RESTRICTION: || (== net472) (== netcoreapp2.2) (== netstandard2.0)
NUGET
  remote: https://api.nuget.org/v3/index.json
    Be.Vlaanderen.Basisregisters.Build.Pipeline (2.0.1)
      Fake.Core.Environment (>= 5.18.2)
      Fake.Core.Process (>= 5.18.2)
      Fake.Core.Target (>= 5.18.2)
      Fake.DotNet.AssemblyInfoFile (>= 5.18.2)
      Fake.DotNet.Cli (>= 5.18.2)
      Fake.DotNet.Paket (>= 5.18.2)
      Fake.IO.FileSystem (>= 5.18.2)
      Fake.JavaScript.Npm (>= 5.18.2)
      Newtonsoft.Json (>= 12.0.2)
    BlackFox.VsWhere (1.0)
      FSharp.Core (>= 4.0.0.1) - restriction: || (== net472) (&& (== netcoreapp2.2) (>= net45)) (&& (== netstandard2.0) (>= net45))
      FSharp.Core (>= 4.2.3) - restriction: || (&& (== net472) (< net45)) (== netcoreapp2.2) (== netstandard2.0)
    Fake.Core.CommandLineParsing (5.18.2)
      FParsec (>= 1.0.3)
      FSharp.Core (>= 4.7)
    Fake.Core.Context (5.18.2)
      FSharp.Core (>= 4.7)
    Fake.Core.Environment (5.18.2)
      FSharp.Core (>= 4.7)
    Fake.Core.FakeVar (5.18.2)
      Fake.Core.Context (>= 5.18.2)
      FSharp.Core (>= 4.7)
    Fake.Core.Process (5.18.2)
      Fake.Core.Environment (>= 5.18.2)
      Fake.Core.FakeVar (>= 5.18.2)
      Fake.Core.String (>= 5.18.2)
      Fake.Core.Trace (>= 5.18.2)
      Fake.IO.FileSystem (>= 5.18.2)
      FSharp.Core (>= 4.7)
      System.Diagnostics.Process (>= 4.3)
    Fake.Core.SemVer (5.18.2)
      FSharp.Core (>= 4.7)
      System.Runtime.Numerics (>= 4.3)
    Fake.Core.String (5.18.2)
      FSharp.Core (>= 4.7)
    Fake.Core.Target (5.18.2)
      Fake.Core.CommandLineParsing (>= 5.18.2)
      Fake.Core.Context (>= 5.18.2)
      Fake.Core.Environment (>= 5.18.2)
      Fake.Core.FakeVar (>= 5.18.2)
      Fake.Core.Process (>= 5.18.2)
      Fake.Core.String (>= 5.18.2)
      Fake.Core.Trace (>= 5.18.2)
      FSharp.Control.Reactive (>= 4.2)
      FSharp.Core (>= 4.7)
      System.Reactive.Compatibility (>= 4.2)
    Fake.Core.Tasks (5.18.2)
      Fake.Core.Trace (>= 5.18.2)
      FSharp.Core (>= 4.7)
    Fake.Core.Trace (5.18.2)
      Fake.Core.Environment (>= 5.18.2)
      Fake.Core.FakeVar (>= 5.18.2)
      FSharp.Core (>= 4.7)
    Fake.Core.Xml (5.18.2)
      Fake.Core.String (>= 5.18.2)
      FSharp.Core (>= 4.7)
      System.Xml.ReaderWriter (>= 4.3.1) - restriction: || (&& (== net472) (< net462)) (== netcoreapp2.2) (== netstandard2.0)
      System.Xml.XDocument (>= 4.3) - restriction: || (&& (== net472) (< net462)) (== netcoreapp2.2) (== netstandard2.0)
      System.Xml.XPath (>= 4.3)
      System.Xml.XPath.XDocument (>= 4.3)
      System.Xml.XPath.XmlDocument (>= 4.3)
    Fake.DotNet.AssemblyInfoFile (5.18.2)
      Fake.Core.Environment (>= 5.18.2)
      Fake.Core.String (>= 5.18.2)
      Fake.Core.Trace (>= 5.18.2)
      Fake.IO.FileSystem (>= 5.18.2)
      FSharp.Core (>= 4.7)
    Fake.DotNet.Cli (5.18.2)
      Fake.Core.Environment (>= 5.18.2)
      Fake.Core.Process (>= 5.18.2)
      Fake.Core.String (>= 5.18.2)
      Fake.Core.Trace (>= 5.18.2)
      Fake.DotNet.MSBuild (>= 5.18.2)
      Fake.DotNet.NuGet (>= 5.18.2)
      Fake.IO.FileSystem (>= 5.18.2)
      FSharp.Core (>= 4.7)
      Mono.Posix.NETStandard (>= 1.0)
      Newtonsoft.Json (>= 12.0.2)
    Fake.DotNet.MSBuild (5.18.2)
      BlackFox.VsWhere (>= 1.0)
      Fake.Core.Environment (>= 5.18.2)
      Fake.Core.Process (>= 5.18.2)
      Fake.Core.String (>= 5.18.2)
      Fake.Core.Trace (>= 5.18.2)
      Fake.IO.FileSystem (>= 5.18.2)
      FSharp.Core (>= 4.7)
      MSBuild.StructuredLogger (>= 2.0.110)
    Fake.DotNet.NuGet (5.18.2)
      Fake.Core.Environment (>= 5.18.2)
      Fake.Core.Process (>= 5.18.2)
      Fake.Core.SemVer (>= 5.18.2)
      Fake.Core.String (>= 5.18.2)
      Fake.Core.Tasks (>= 5.18.2)
      Fake.Core.Trace (>= 5.18.2)
      Fake.Core.Xml (>= 5.18.2)
      Fake.IO.FileSystem (>= 5.18.2)
      Fake.Net.Http (>= 5.18.2)
      FSharp.Core (>= 4.7)
      Newtonsoft.Json (>= 12.0.2)
      NuGet.Protocol (>= 4.9.4)
      System.Net.Http (>= 4.3.4)
    Fake.DotNet.Paket (5.18.2)
      Fake.Core.Process (>= 5.18.2)
      Fake.Core.String (>= 5.18.2)
      Fake.Core.Trace (>= 5.18.2)
      Fake.DotNet.Cli (>= 5.18.2)
      Fake.IO.FileSystem (>= 5.18.2)
      FSharp.Core (>= 4.7)
    Fake.IO.FileSystem (5.18.2)
      Fake.Core.String (>= 5.18.2)
      FSharp.Core (>= 4.7)
      System.Diagnostics.FileVersionInfo (>= 4.3)
      System.IO.FileSystem.Watcher (>= 4.3)
    Fake.JavaScript.Npm (5.18.2)
      Fake.Core.Environment (>= 5.18.2)
      Fake.Core.Process (>= 5.18.2)
      Fake.IO.FileSystem (>= 5.18.2)
      Fake.Testing.Common (>= 5.18.2)
      FSharp.Core (>= 4.7)
    Fake.Net.Http (5.18.2)
      Fake.Core.Trace (>= 5.18.2)
      FSharp.Core (>= 4.7)
      System.Net.Http (>= 4.3.4)
    Fake.Testing.Common (5.18.2)
      Fake.Core.Trace (>= 5.18.2)
      FSharp.Core (>= 4.7)
    FluentAssertions (5.7)
      System.Configuration.ConfigurationManager (>= 4.4) - restriction: || (&& (== net472) (< net45)) (&& (== net472) (>= netcoreapp2.0)) (== netcoreapp2.2) (== netstandard2.0)
    FParsec (1.0.3)
      FSharp.Core (>= 4.0.0.1) - restriction: || (== net472) (&& (== netcoreapp2.2) (>= net40)) (&& (== netstandard2.0) (>= net40))
      FSharp.Core (>= 4.2.3) - restriction: || (&& (== net472) (< net40)) (== netcoreapp2.2) (== netstandard2.0)
      NETStandard.Library (>= 1.6.1) - restriction: || (&& (== net472) (< net40)) (== netcoreapp2.2) (== netstandard2.0)
    FSharp.Control.Reactive (4.2)
      FSharp.Core (>= 4.2.3)
      System.Reactive (>= 4.0)
    FSharp.Core (4.7)
    Microsoft.AspNetCore.Http (2.2.2)
      Microsoft.AspNetCore.Http.Abstractions (>= 2.2)
      Microsoft.AspNetCore.WebUtilities (>= 2.2)
      Microsoft.Extensions.ObjectPool (>= 2.2)
      Microsoft.Extensions.Options (>= 2.2)
      Microsoft.Net.Http.Headers (>= 2.2)
    Microsoft.AspNetCore.Http.Abstractions (2.2)
      Microsoft.AspNetCore.Http.Features (>= 2.2)
      System.Text.Encodings.Web (>= 4.5)
    Microsoft.AspNetCore.Http.Features (2.2)
      Microsoft.Extensions.Primitives (>= 2.2)
    Microsoft.AspNetCore.WebUtilities (2.2)
      Microsoft.Net.Http.Headers (>= 2.2)
      System.Text.Encodings.Web (>= 4.5)
    Microsoft.Build (16.3)
      Microsoft.Build.Framework (>= 16.3) - restriction: || (== net472) (== netcoreapp2.2) (&& (== netstandard2.0) (>= net472)) (&& (== netstandard2.0) (>= netcoreapp2.1))
      Microsoft.VisualStudio.Setup.Configuration.Interop (>= 1.16.30) - restriction: || (== net472) (&& (== netcoreapp2.2) (>= net472)) (&& (== netstandard2.0) (>= net472))
      Microsoft.Win32.Registry (>= 4.3) - restriction: || (&& (== net472) (>= netcoreapp2.1)) (== netcoreapp2.2) (&& (== netstandard2.0) (>= netcoreapp2.1))
      System.Collections.Immutable (>= 1.5) - restriction: || (== net472) (== netcoreapp2.2) (&& (== netstandard2.0) (>= net472)) (&& (== netstandard2.0) (>= netcoreapp2.1))
      System.Diagnostics.TraceSource (>= 4.0) - restriction: || (&& (== net472) (>= netcoreapp2.1)) (== netcoreapp2.2) (&& (== netstandard2.0) (>= netcoreapp2.1))
      System.Memory (>= 4.5.3) - restriction: || (== net472) (== netcoreapp2.2) (&& (== netstandard2.0) (>= net472)) (&& (== netstandard2.0) (>= netcoreapp2.1))
      System.Reflection.Metadata (>= 1.6) - restriction: || (&& (== net472) (>= netcoreapp2.1)) (== netcoreapp2.2) (&& (== netstandard2.0) (>= netcoreapp2.1))
      System.Reflection.TypeExtensions (>= 4.1) - restriction: || (&& (== net472) (>= netcoreapp2.1)) (== netcoreapp2.2) (&& (== netstandard2.0) (>= netcoreapp2.1))
      System.Runtime.Loader (>= 4.0) - restriction: || (&& (== net472) (>= netcoreapp2.1)) (== netcoreapp2.2) (&& (== netstandard2.0) (>= netcoreapp2.1))
      System.Security.Principal.Windows (>= 4.3) - restriction: || (&& (== net472) (>= netcoreapp2.1)) (== netcoreapp2.2) (&& (== netstandard2.0) (>= netcoreapp2.1))
      System.Text.Encoding.CodePages (>= 4.0.1) - restriction: || (&& (== net472) (>= netcoreapp2.1)) (== netcoreapp2.2) (&& (== netstandard2.0) (>= netcoreapp2.1))
      System.Threading.Tasks.Dataflow (>= 4.9) - restriction: || (== net472) (== netcoreapp2.2) (&& (== netstandard2.0) (>= net472)) (&& (== netstandard2.0) (>= netcoreapp2.1))
    Microsoft.Build.Framework (16.3)
      System.Runtime.Serialization.Primitives (>= 4.1.1) - restriction: || (== netcoreapp2.2) (== netstandard2.0)
      System.Threading.Thread (>= 4.0) - restriction: || (== netcoreapp2.2) (== netstandard2.0)
    Microsoft.Build.Tasks.Core (16.3)
      Microsoft.Build.Framework (>= 16.3)
      Microsoft.Build.Utilities.Core (>= 16.3)
      Microsoft.VisualStudio.Setup.Configuration.Interop (>= 1.16.30) - restriction: || (== net472) (&& (== netcoreapp2.2) (>= net472)) (&& (== netstandard2.0) (>= net472))
      Microsoft.Win32.Registry (>= 4.3) - restriction: || (== netcoreapp2.2) (== netstandard2.0)
      System.CodeDom (>= 4.4) - restriction: || (== netcoreapp2.2) (== netstandard2.0)
      System.Collections.Immutable (>= 1.5)
      System.Linq.Parallel (>= 4.0.1) - restriction: || (== netcoreapp2.2) (== netstandard2.0)
      System.Net.Http (>= 4.3.4) - restriction: || (== netcoreapp2.2) (== netstandard2.0)
      System.Reflection.Metadata (>= 1.6) - restriction: || (== netcoreapp2.2) (== netstandard2.0)
      System.Reflection.TypeExtensions (>= 4.1) - restriction: || (== netcoreapp2.2) (== netstandard2.0)
      System.Resources.Extensions (>= 4.6)
      System.Resources.Writer (>= 4.0) - restriction: || (== netcoreapp2.2) (== netstandard2.0)
      System.Threading.Tasks.Dataflow (>= 4.9)
    Microsoft.Build.Utilities.Core (16.3)
      Microsoft.Build.Framework (>= 16.3)
      Microsoft.VisualStudio.Setup.Configuration.Interop (>= 1.16.30) - restriction: || (== net472) (&& (== netcoreapp2.2) (>= net472)) (&& (== netstandard2.0) (>= net472))
      Microsoft.Win32.Registry (>= 4.3) - restriction: || (== netcoreapp2.2) (== netstandard2.0)
      System.Collections.Immutable (>= 1.5)
      System.Text.Encoding.CodePages (>= 4.0.1) - restriction: || (== netcoreapp2.2) (== netstandard2.0)
    Microsoft.CodeCoverage (16.2) - restriction: || (== net472) (== netcoreapp2.2) (&& (== netstandard2.0) (>= net45)) (&& (== netstandard2.0) (>= netcoreapp1.0))
    Microsoft.Extensions.DependencyInjection.Abstractions (2.2)
    Microsoft.Extensions.ObjectPool (2.2)
    Microsoft.Extensions.Options (2.2)
      Microsoft.Extensions.DependencyInjection.Abstractions (>= 2.2)
      Microsoft.Extensions.Primitives (>= 2.2)
      System.ComponentModel.Annotations (>= 4.5)
    Microsoft.Extensions.Primitives (2.2)
      System.Memory (>= 4.5.1)
      System.Runtime.CompilerServices.Unsafe (>= 4.5.1)
    Microsoft.Net.Http.Headers (2.2)
      Microsoft.Extensions.Primitives (>= 2.2)
      System.Buffers (>= 4.5)
    Microsoft.NET.Test.Sdk (16.2)
      Microsoft.CodeCoverage (>= 16.2) - restriction: || (== net472) (== netcoreapp2.2) (&& (== netstandard2.0) (>= net45)) (&& (== netstandard2.0) (>= netcoreapp1.0))
      Microsoft.TestPlatform.TestHost (>= 16.2) - restriction: || (&& (== net472) (>= netcoreapp1.0)) (== netcoreapp2.2) (&& (== netstandard2.0) (>= netcoreapp1.0))
    Microsoft.NETCore.App (2.2.6)
      Microsoft.NETCore.DotNetHostPolicy (>= 2.2.6) - restriction: || (&& (== net472) (>= netcoreapp2.2)) (== netcoreapp2.2) (&& (== netstandard2.0) (>= netcoreapp2.2))
      Microsoft.NETCore.Platforms (>= 2.2.2) - restriction: || (&& (== net472) (>= netcoreapp2.2)) (== netcoreapp2.2) (&& (== netstandard2.0) (>= netcoreapp2.2))
      Microsoft.NETCore.Targets (>= 2.0) - restriction: || (&& (== net472) (>= netcoreapp2.2)) (== netcoreapp2.2) (&& (== netstandard2.0) (>= netcoreapp2.2))
      NETStandard.Library (>= 2.0.3) - restriction: || (&& (== net472) (>= netcoreapp2.2)) (== netcoreapp2.2) (&& (== netstandard2.0) (>= netcoreapp2.2))
    Microsoft.NETCore.DotNetAppHost (2.2.6)
    Microsoft.NETCore.DotNetHostPolicy (2.2.6)
      Microsoft.NETCore.DotNetHostResolver (>= 2.2.6)
    Microsoft.NETCore.DotNetHostResolver (2.2.6)
      Microsoft.NETCore.DotNetAppHost (>= 2.2.6)
    Microsoft.NETCore.Platforms (2.2.2)
    Microsoft.NETCore.Targets (2.1) - restriction: || (&& (== net472) (< net46)) (&& (== net472) (>= netcoreapp2.2)) (== netcoreapp2.2) (== netstandard2.0)
    Microsoft.TestPlatform.ObjectModel (16.2) - restriction: || (&& (== net472) (>= netcoreapp1.0)) (== netcoreapp2.2) (&& (== netstandard2.0) (>= netcoreapp1.0))
      NETStandard.Library (>= 1.6) - restriction: || (&& (== net472) (< net451)) (== netcoreapp2.2) (== netstandard2.0)
      System.ComponentModel.EventBasedAsync (>= 4.0.11) - restriction: || (&& (== net472) (< net451)) (== netcoreapp2.2) (== netstandard2.0)
      System.ComponentModel.TypeConverter (>= 4.1) - restriction: || (&& (== net472) (< net451)) (== netcoreapp2.2) (== netstandard2.0)
      System.Diagnostics.Process (>= 4.1) - restriction: || (&& (== net472) (< net451)) (== netcoreapp2.2) (== netstandard2.0)
      System.Diagnostics.TextWriterTraceListener (>= 4.0) - restriction: || (&& (== net472) (< net451)) (== netcoreapp2.2) (== netstandard2.0)
      System.Diagnostics.TraceSource (>= 4.0) - restriction: || (&& (== net472) (< net451)) (== netcoreapp2.2) (== netstandard2.0)
      System.Reflection.Metadata (>= 1.3)
      System.Reflection.TypeExtensions (>= 4.1) - restriction: || (&& (== net472) (< net451)) (== netcoreapp2.2) (== netstandard2.0)
      System.Runtime.InteropServices.RuntimeInformation (>= 4.0)
      System.Runtime.Loader (>= 4.0) - restriction: || (&& (== net472) (< net451)) (== netcoreapp2.2) (== netstandard2.0)
      System.Runtime.Serialization.Json (>= 4.0.2) - restriction: || (&& (== net472) (< net451)) (== netcoreapp2.2) (== netstandard2.0)
      System.Runtime.Serialization.Primitives (>= 4.1.1) - restriction: || (&& (== net472) (< net451)) (== netcoreapp2.2) (== netstandard2.0)
      System.Threading.Thread (>= 4.0) - restriction: || (&& (== net472) (< net451)) (== netcoreapp2.2) (== netstandard2.0)
      System.Xml.XPath.XmlDocument (>= 4.0.1) - restriction: || (&& (== net472) (< net451)) (== netcoreapp2.2) (== netstandard2.0)
    Microsoft.TestPlatform.TestHost (16.2) - restriction: || (&& (== net472) (>= netcoreapp1.0)) (== netcoreapp2.2) (&& (== netstandard2.0) (>= netcoreapp1.0))
      Microsoft.TestPlatform.ObjectModel (>= 16.2) - restriction: || (&& (== net472) (>= netcoreapp1.0)) (&& (== net472) (>= uap10.0)) (== netcoreapp2.2) (&& (== netstandard2.0) (>= netcoreapp1.0)) (&& (== netstandard2.0) (>= uap10.0))
      Newtonsoft.Json (>= 9.0.1) - restriction: || (&& (== net472) (>= netcoreapp1.0)) (&& (== net472) (>= uap10.0)) (== netcoreapp2.2) (&& (== netstandard2.0) (>= netcoreapp1.0)) (&& (== netstandard2.0) (>= uap10.0))
    Microsoft.VisualStudio.Setup.Configuration.Interop (1.16.30) - restriction: || (== net472) (&& (== netcoreapp2.2) (>= net472)) (&& (== netstandard2.0) (>= net472))
    Microsoft.Win32.Primitives (4.3) - restriction: || (&& (== net472) (< net46)) (== netcoreapp2.2) (== netstandard2.0)
      Microsoft.NETCore.Platforms (>= 1.1) - restriction: || (&& (== net472) (< net46)) (== netcoreapp2.2) (== netstandard2.0)
      Microsoft.NETCore.Targets (>= 1.1) - restriction: || (&& (== net472) (< net46)) (== netcoreapp2.2) (== netstandard2.0)
      System.Runtime (>= 4.3) - restriction: || (&& (== net472) (< net46)) (== netcoreapp2.2) (== netstandard2.0)
    Microsoft.Win32.Registry (4.5) - restriction: || (&& (== net472) (< net46)) (&& (== net472) (>= netcoreapp2.1)) (== netcoreapp2.2) (== netstandard2.0)
      System.Buffers (>= 4.4) - restriction: || (&& (== net472) (>= monoandroid) (< netstandard2.0)) (&& (== net472) (>= monotouch)) (&& (== net472) (< net46)) (&& (== net472) (>= xamarinios)) (&& (== net472) (>= xamarinmac)) (&& (== net472) (>= xamarintvos)) (&& (== net472) (>= xamarinwatchos)) (&& (== netcoreapp2.2) (>= monoandroid) (< netstandard2.0)) (&& (== netcoreapp2.2) (>= monotouch)) (&& (== netcoreapp2.2) (< netcoreapp2.0)) (&& (== netcoreapp2.2) (>= xamarinios)) (&& (== netcoreapp2.2) (>= xamarinmac)) (&& (== netcoreapp2.2) (>= xamarintvos)) (&& (== netcoreapp2.2) (>= xamarinwatchos)) (== netstandard2.0)
      System.Memory (>= 4.5) - restriction: || (&& (== net472) (< net46)) (&& (== net472) (>= netcoreapp2.0)) (&& (== net472) (>= uap10.1)) (&& (== netcoreapp2.2) (< netcoreapp2.0)) (&& (== netcoreapp2.2) (< netcoreapp2.1)) (&& (== netcoreapp2.2) (>= uap10.1)) (== netstandard2.0)
      System.Security.AccessControl (>= 4.5)
      System.Security.Principal.Windows (>= 4.5)
    Mono.Posix.NETStandard (1.0)
    MSBuild.StructuredLogger (2.0.110)
      Microsoft.Build (>= 14.3) - restriction: || (== net472) (&& (== netcoreapp2.2) (>= net46)) (&& (== netstandard2.0) (>= net46))
      Microsoft.Build (>= 15.8.166) - restriction: || (&& (== net472) (< net46)) (== netcoreapp2.2) (== netstandard2.0)
      Microsoft.Build.Framework (>= 14.3) - restriction: || (== net472) (&& (== netcoreapp2.2) (>= net46)) (&& (== netstandard2.0) (>= net46))
      Microsoft.Build.Framework (>= 15.8.166) - restriction: || (&& (== net472) (< net46)) (== netcoreapp2.2) (== netstandard2.0)
      Microsoft.Build.Tasks.Core (>= 14.3) - restriction: || (== net472) (&& (== netcoreapp2.2) (>= net46)) (&& (== netstandard2.0) (>= net46))
      Microsoft.Build.Tasks.Core (>= 15.8.166) - restriction: || (&& (== net472) (< net46)) (== netcoreapp2.2) (== netstandard2.0)
      Microsoft.Build.Utilities.Core (>= 14.3) - restriction: || (== net472) (&& (== netcoreapp2.2) (>= net46)) (&& (== netstandard2.0) (>= net46))
      Microsoft.Build.Utilities.Core (>= 15.8.166) - restriction: || (&& (== net472) (< net46)) (== netcoreapp2.2) (== netstandard2.0)
    NETStandard.Library (2.0.3)
      Microsoft.NETCore.Platforms (>= 1.1)
    Newtonsoft.Json (12.0.2)
    NuGet.Common (5.3.1)
      NuGet.Frameworks (>= 5.3.1)
      System.Diagnostics.Process (>= 4.3) - restriction: || (== netcoreapp2.2) (== netstandard2.0)
      System.Threading.Thread (>= 4.3) - restriction: || (== netcoreapp2.2) (== netstandard2.0)
    NuGet.Configuration (5.3.1)
      NuGet.Common (>= 5.3.1)
      System.Security.Cryptography.ProtectedData (>= 4.3) - restriction: || (== netcoreapp2.2) (== netstandard2.0)
    NuGet.Frameworks (5.3.1)
    NuGet.Packaging (5.3.1)
      Newtonsoft.Json (>= 9.0.1)
      NuGet.Configuration (>= 5.3.1)
      NuGet.Versioning (>= 5.3.1)
      System.Dynamic.Runtime (>= 4.3) - restriction: || (== netcoreapp2.2) (== netstandard2.0)
    NuGet.Protocol (5.3.1)
      NuGet.Packaging (>= 5.3.1)
      System.Dynamic.Runtime (>= 4.3) - restriction: || (== netcoreapp2.2) (== netstandard2.0)
    NuGet.Versioning (5.3.1)
    runtime.debian.8-x64.runtime.native.System.Security.Cryptography.OpenSsl (4.3.3) - restriction: || (&& (== net472) (< net45)) (== netcoreapp2.2) (== netstandard2.0)
    runtime.debian.9-x64.runtime.native.System.Security.Cryptography.OpenSsl (4.3.3) - restriction: || (&& (== net472) (< net45)) (== netcoreapp2.2) (== netstandard2.0)
    runtime.fedora.23-x64.runtime.native.System.Security.Cryptography.OpenSsl (4.3.3) - restriction: || (&& (== net472) (< net45)) (== netcoreapp2.2) (== netstandard2.0)
    runtime.fedora.24-x64.runtime.native.System.Security.Cryptography.OpenSsl (4.3.3) - restriction: || (&& (== net472) (< net45)) (== netcoreapp2.2) (== netstandard2.0)
    runtime.fedora.27-x64.runtime.native.System.Security.Cryptography.OpenSsl (4.3.3) - restriction: || (&& (== net472) (< net45)) (== netcoreapp2.2) (== netstandard2.0)
    runtime.fedora.28-x64.runtime.native.System.Security.Cryptography.OpenSsl (4.3.3) - restriction: || (&& (== net472) (< net45)) (== netcoreapp2.2) (== netstandard2.0)
    runtime.native.System (4.3.1) - restriction: || (&& (== net472) (< net46)) (&& (== net472) (>= netcoreapp1.0)) (== netcoreapp2.2) (== netstandard2.0)
      Microsoft.NETCore.Platforms (>= 1.1.1)
      Microsoft.NETCore.Targets (>= 1.1.3)
    runtime.native.System.Net.Http (4.3.1) - restriction: || (&& (== net472) (< net45)) (== netcoreapp2.2) (== netstandard2.0)
      Microsoft.NETCore.Platforms (>= 1.1.1)
      Microsoft.NETCore.Targets (>= 1.1.3)
    runtime.native.System.Security.Cryptography.Apple (4.3.1) - restriction: || (&& (== net472) (< net45)) (== netcoreapp2.2) (== netstandard2.0)
      runtime.osx.10.10-x64.runtime.native.System.Security.Cryptography.Apple (>= 4.3.1)
    runtime.native.System.Security.Cryptography.OpenSsl (4.3.3) - restriction: || (&& (== net472) (< net45)) (== netcoreapp2.2) (== netstandard2.0)
      runtime.debian.8-x64.runtime.native.System.Security.Cryptography.OpenSsl (>= 4.3.3)
      runtime.debian.9-x64.runtime.native.System.Security.Cryptography.OpenSsl (>= 4.3.3)
      runtime.fedora.23-x64.runtime.native.System.Security.Cryptography.OpenSsl (>= 4.3.3)
      runtime.fedora.24-x64.runtime.native.System.Security.Cryptography.OpenSsl (>= 4.3.3)
      runtime.fedora.27-x64.runtime.native.System.Security.Cryptography.OpenSsl (>= 4.3.3)
      runtime.fedora.28-x64.runtime.native.System.Security.Cryptography.OpenSsl (>= 4.3.3)
      runtime.opensuse.13.2-x64.runtime.native.System.Security.Cryptography.OpenSsl (>= 4.3.3)
      runtime.opensuse.42.1-x64.runtime.native.System.Security.Cryptography.OpenSsl (>= 4.3.3)
      runtime.opensuse.42.3-x64.runtime.native.System.Security.Cryptography.OpenSsl (>= 4.3.3)
      runtime.osx.10.10-x64.runtime.native.System.Security.Cryptography.OpenSsl (>= 4.3.3)
      runtime.rhel.7-x64.runtime.native.System.Security.Cryptography.OpenSsl (>= 4.3.3)
      runtime.ubuntu.14.04-x64.runtime.native.System.Security.Cryptography.OpenSsl (>= 4.3.3)
      runtime.ubuntu.16.04-x64.runtime.native.System.Security.Cryptography.OpenSsl (>= 4.3.3)
      runtime.ubuntu.16.10-x64.runtime.native.System.Security.Cryptography.OpenSsl (>= 4.3.3)
      runtime.ubuntu.18.04-x64.runtime.native.System.Security.Cryptography.OpenSsl (>= 4.3.3)
    runtime.opensuse.13.2-x64.runtime.native.System.Security.Cryptography.OpenSsl (4.3.3) - restriction: || (&& (== net472) (< net45)) (== netcoreapp2.2) (== netstandard2.0)
    runtime.opensuse.42.1-x64.runtime.native.System.Security.Cryptography.OpenSsl (4.3.3) - restriction: || (&& (== net472) (< net45)) (== netcoreapp2.2) (== netstandard2.0)
    runtime.opensuse.42.3-x64.runtime.native.System.Security.Cryptography.OpenSsl (4.3.3) - restriction: || (&& (== net472) (< net45)) (== netcoreapp2.2) (== netstandard2.0)
    runtime.osx.10.10-x64.runtime.native.System.Security.Cryptography.Apple (4.3.1) - restriction: || (&& (== net472) (< net45)) (== netcoreapp2.2) (== netstandard2.0)
    runtime.osx.10.10-x64.runtime.native.System.Security.Cryptography.OpenSsl (4.3.3) - restriction: || (&& (== net472) (< net45)) (== netcoreapp2.2) (== netstandard2.0)
    runtime.rhel.7-x64.runtime.native.System.Security.Cryptography.OpenSsl (4.3.3) - restriction: || (&& (== net472) (< net45)) (== netcoreapp2.2) (== netstandard2.0)
    runtime.ubuntu.14.04-x64.runtime.native.System.Security.Cryptography.OpenSsl (4.3.3) - restriction: || (&& (== net472) (< net45)) (== netcoreapp2.2) (== netstandard2.0)
    runtime.ubuntu.16.04-x64.runtime.native.System.Security.Cryptography.OpenSsl (4.3.3) - restriction: || (&& (== net472) (< net45)) (== netcoreapp2.2) (== netstandard2.0)
    runtime.ubuntu.16.10-x64.runtime.native.System.Security.Cryptography.OpenSsl (4.3.3) - restriction: || (&& (== net472) (< net45)) (== netcoreapp2.2) (== netstandard2.0)
    runtime.ubuntu.18.04-x64.runtime.native.System.Security.Cryptography.OpenSsl (4.3.3) - restriction: || (&& (== net472) (< net45)) (== netcoreapp2.2) (== netstandard2.0)
    SourceLink.Copy.PdbFiles (2.8.3) - copy_local: true
    SourceLink.Embed.AllSourceFiles (2.8.3) - copy_local: true
    System.Buffers (4.5)
    System.CodeDom (4.6) - restriction: || (== netcoreapp2.2) (== netstandard2.0)
    System.Collections (4.3) - restriction: || (&& (== net472) (< net46)) (&& (== net472) (>= netcoreapp1.0)) (== netcoreapp2.2) (== netstandard2.0)
      Microsoft.NETCore.Platforms (>= 1.1) - restriction: || (&& (== net472) (< net45)) (== netcoreapp2.2) (== netstandard2.0)
      Microsoft.NETCore.Targets (>= 1.1) - restriction: || (&& (== net472) (< net45)) (== netcoreapp2.2) (== netstandard2.0)
      System.Runtime (>= 4.3) - restriction: || (&& (== net472) (< net45)) (== netcoreapp2.2) (== netstandard2.0)
    System.Collections.Concurrent (4.3) - restriction: || (&& (== net472) (< net45)) (&& (== net472) (>= netcoreapp1.0)) (== netcoreapp2.2) (== netstandard2.0)
      System.Collections (>= 4.3) - restriction: || (&& (== net472) (< net45)) (== netcoreapp2.2) (== netstandard2.0)
      System.Diagnostics.Debug (>= 4.3) - restriction: || (&& (== net472) (< net45)) (== netcoreapp2.2) (== netstandard2.0)
      System.Diagnostics.Tracing (>= 4.3) - restriction: || (&& (== net472) (< net45)) (== netcoreapp2.2) (== netstandard2.0)
      System.Globalization (>= 4.3) - restriction: || (&& (== net472) (< net45)) (== netcoreapp2.2) (== netstandard2.0)
      System.Reflection (>= 4.3) - restriction: || (&& (== net472) (< net45)) (== netcoreapp2.2) (== netstandard2.0)
      System.Resources.ResourceManager (>= 4.3) - restriction: || (&& (== net472) (< net45)) (== netcoreapp2.2) (== netstandard2.0)
      System.Runtime (>= 4.3) - restriction: || (&& (== net472) (< net45)) (== netcoreapp2.2) (== netstandard2.0)
      System.Runtime.Extensions (>= 4.3) - restriction: || (&& (== net472) (< net45)) (== netcoreapp2.2) (== netstandard2.0)
      System.Threading (>= 4.3) - restriction: || (&& (== net472) (< net45)) (== netcoreapp2.2) (== netstandard2.0)
      System.Threading.Tasks (>= 4.3) - restriction: || (&& (== net472) (< net45)) (== netcoreapp2.2) (== netstandard2.0)
    System.Collections.Immutable (1.6)
      System.Memory (>= 4.5.3) - restriction: || (== net472) (&& (== netcoreapp2.2) (>= net46)) (&& (== netcoreapp2.2) (< netcoreapp2.1)) (&& (== netcoreapp2.2) (< netstandard2.0)) (&& (== netcoreapp2.2) (>= uap10.1)) (== netstandard2.0)
    System.Collections.NonGeneric (4.3) - restriction: || (&& (== net472) (>= netcoreapp1.0)) (== netcoreapp2.2) (&& (== netstandard2.0) (>= netcoreapp1.0))
      System.Diagnostics.Debug (>= 4.3) - restriction: || (&& (== net472) (< net46)) (== netcoreapp2.2) (== netstandard2.0)
      System.Globalization (>= 4.3) - restriction: || (&& (== net472) (< net46)) (== netcoreapp2.2) (== netstandard2.0)
      System.Resources.ResourceManager (>= 4.3) - restriction: || (&& (== net472) (< net46)) (== netcoreapp2.2) (== netstandard2.0)
      System.Runtime (>= 4.3) - restriction: || (&& (== net472) (< net46)) (== netcoreapp2.2) (== netstandard2.0)
      System.Runtime.Extensions (>= 4.3) - restriction: || (&& (== net472) (< net46)) (== netcoreapp2.2) (== netstandard2.0)
      System.Threading (>= 4.3) - restriction: || (&& (== net472) (< net46)) (== netcoreapp2.2) (== netstandard2.0)
    System.Collections.Specialized (4.3) - restriction: || (&& (== net472) (>= netcoreapp1.0)) (== netcoreapp2.2) (&& (== netstandard2.0) (>= netcoreapp1.0))
      System.Collections.NonGeneric (>= 4.3) - restriction: || (&& (== net472) (< net46)) (== netcoreapp2.2) (== netstandard2.0)
      System.Globalization (>= 4.3) - restriction: || (&& (== net472) (< net46)) (== netcoreapp2.2) (== netstandard2.0)
      System.Globalization.Extensions (>= 4.3) - restriction: || (&& (== net472) (< net46)) (== netcoreapp2.2) (== netstandard2.0)
      System.Resources.ResourceManager (>= 4.3) - restriction: || (&& (== net472) (< net46)) (== netcoreapp2.2) (== netstandard2.0)
      System.Runtime (>= 4.3) - restriction: || (&& (== net472) (< net46)) (== netcoreapp2.2) (== netstandard2.0)
      System.Runtime.Extensions (>= 4.3) - restriction: || (&& (== net472) (< net46)) (== netcoreapp2.2) (== netstandard2.0)
      System.Threading (>= 4.3) - restriction: || (&& (== net472) (< net46)) (== netcoreapp2.2) (== netstandard2.0)
    System.ComponentModel (4.3) - restriction: || (&& (== net472) (>= netcoreapp1.0)) (== netcoreapp2.2) (&& (== netstandard2.0) (>= netcoreapp1.0))
      System.Runtime (>= 4.3) - restriction: || (&& (== net472) (< net45)) (== netcoreapp2.2) (== netstandard2.0)
    System.ComponentModel.Annotations (4.5)
    System.ComponentModel.EventBasedAsync (4.3) - restriction: || (&& (== net472) (>= netcoreapp1.0)) (== netcoreapp2.2) (&& (== netstandard2.0) (>= netcoreapp1.0))
      System.Resources.ResourceManager (>= 4.3) - restriction: || (&& (== net472) (< net45)) (== netcoreapp2.2) (== netstandard2.0)
      System.Runtime (>= 4.3) - restriction: || (&& (== net472) (< net45)) (== netcoreapp2.2) (== netstandard2.0)
      System.Threading (>= 4.3) - restriction: || (&& (== net472) (< net45)) (== netcoreapp2.2) (== netstandard2.0)
      System.Threading.Tasks (>= 4.3) - restriction: || (&& (== net472) (< net45)) (== netcoreapp2.2) (== netstandard2.0)
    System.ComponentModel.Primitives (4.3) - restriction: || (&& (== net472) (>= netcoreapp1.0)) (== netcoreapp2.2) (&& (== netstandard2.0) (>= netcoreapp1.0))
      System.ComponentModel (>= 4.3) - restriction: || (&& (== net472) (< net45)) (== netcoreapp2.2) (== netstandard2.0)
      System.Resources.ResourceManager (>= 4.3) - restriction: || (&& (== net472) (< net45)) (== netcoreapp2.2) (== netstandard2.0)
      System.Runtime (>= 4.3) - restriction: || (&& (== net472) (< net45)) (== netcoreapp2.2) (== netstandard2.0)
    System.ComponentModel.TypeConverter (4.3) - restriction: || (&& (== net472) (>= netcoreapp1.0)) (== netcoreapp2.2) (&& (== netstandard2.0) (>= netcoreapp1.0))
      System.Collections (>= 4.3) - restriction: || (&& (== net472) (< net45)) (== netcoreapp2.2) (== netstandard2.0)
      System.Collections.NonGeneric (>= 4.3)
      System.Collections.Specialized (>= 4.3) - restriction: || (&& (== net472) (< net45)) (== netcoreapp2.2) (== netstandard2.0)
      System.ComponentModel (>= 4.3) - restriction: || (&& (== net472) (< net45)) (== netcoreapp2.2) (== netstandard2.0)
      System.ComponentModel.Primitives (>= 4.3)
      System.Globalization (>= 4.3) - restriction: || (&& (== net472) (< net45)) (== netcoreapp2.2) (== netstandard2.0)
      System.Linq (>= 4.3) - restriction: || (&& (== net472) (< net45)) (== netcoreapp2.2) (== netstandard2.0)
      System.Reflection (>= 4.3) - restriction: || (&& (== net472) (< net45)) (== netcoreapp2.2) (== netstandard2.0)
      System.Reflection.Extensions (>= 4.3) - restriction: || (&& (== net472) (< net45)) (== netcoreapp2.2) (== netstandard2.0)
      System.Reflection.Primitives (>= 4.3) - restriction: || (&& (== net472) (< net45)) (== netcoreapp2.2) (== netstandard2.0)
      System.Reflection.TypeExtensions (>= 4.3) - restriction: || (&& (== net472) (< net45)) (== netcoreapp2.2) (== netstandard2.0)
      System.Resources.ResourceManager (>= 4.3) - restriction: || (&& (== net472) (< net45)) (== netcoreapp2.2) (== netstandard2.0)
      System.Runtime (>= 4.3) - restriction: || (&& (== net472) (< net45)) (== netcoreapp2.2) (== netstandard2.0)
      System.Runtime.Extensions (>= 4.3) - restriction: || (&& (== net472) (< net45)) (== netcoreapp2.2) (== netstandard2.0)
      System.Threading (>= 4.3) - restriction: || (&& (== net472) (< net45)) (== netcoreapp2.2) (== netstandard2.0)
    System.Configuration.ConfigurationManager (4.5) - restriction: || (&& (== net472) (< net45)) (&& (== net472) (>= netcoreapp2.0)) (== netcoreapp2.2) (== netstandard2.0)
      System.Security.Cryptography.ProtectedData (>= 4.5) - restriction: || (&& (== net472) (< net461)) (== netcoreapp2.2) (== netstandard2.0)
      System.Security.Permissions (>= 4.5)
    System.Diagnostics.Debug (4.3) - restriction: || (&& (== net472) (< net46)) (&& (== net472) (>= netcoreapp1.0)) (== netcoreapp2.2) (== netstandard2.0)
      Microsoft.NETCore.Platforms (>= 1.1) - restriction: || (&& (== net472) (< net45)) (== netcoreapp2.2) (== netstandard2.0)
      Microsoft.NETCore.Targets (>= 1.1) - restriction: || (&& (== net472) (< net45)) (== netcoreapp2.2) (== netstandard2.0)
      System.Runtime (>= 4.3) - restriction: || (&& (== net472) (< net45)) (== netcoreapp2.2) (== netstandard2.0)
    System.Diagnostics.DiagnosticSource (4.6) - restriction: || (&& (== net472) (< net45)) (== netcoreapp2.2) (== netstandard2.0)
      System.Memory (>= 4.5.3) - restriction: || (== net472) (&& (== netcoreapp2.2) (>= net45) (< netstandard1.3)) (&& (== netcoreapp2.2) (>= net46)) (&& (== netcoreapp2.2) (< netcoreapp2.1)) (&& (== netcoreapp2.2) (< netstandard2.0)) (&& (== netcoreapp2.2) (>= uap10.1)) (== netstandard2.0)
    System.Diagnostics.FileVersionInfo (4.3)
      Microsoft.NETCore.Platforms (>= 1.1) - restriction: || (&& (== net472) (< net46)) (== netcoreapp2.2) (== netstandard2.0)
      System.Globalization (>= 4.3) - restriction: || (&& (== net472) (< net46)) (== netcoreapp2.2) (== netstandard2.0)
      System.IO (>= 4.3) - restriction: || (&& (== net472) (< net46)) (== netcoreapp2.2) (== netstandard2.0)
      System.IO.FileSystem (>= 4.3) - restriction: || (&& (== net472) (< net46)) (== netcoreapp2.2) (== netstandard2.0)
      System.IO.FileSystem.Primitives (>= 4.3) - restriction: || (&& (== net472) (< net46)) (== netcoreapp2.2) (== netstandard2.0)
      System.Reflection.Metadata (>= 1.4.1) - restriction: || (&& (== net472) (< net46)) (== netcoreapp2.2) (== netstandard2.0)
      System.Runtime (>= 4.3) - restriction: || (&& (== net472) (< net46)) (== netcoreapp2.2) (== netstandard2.0)
      System.Runtime.Extensions (>= 4.3) - restriction: || (&& (== net472) (< net46)) (== netcoreapp2.2) (== netstandard2.0)
      System.Runtime.InteropServices (>= 4.3) - restriction: || (&& (== net472) (< net46)) (== netcoreapp2.2) (== netstandard2.0)
    System.Diagnostics.Process (4.3)
      Microsoft.NETCore.Platforms (>= 1.1) - restriction: || (&& (== net472) (< net46)) (== netcoreapp2.2) (== netstandard2.0)
      Microsoft.Win32.Primitives (>= 4.3) - restriction: || (&& (== net472) (< net46)) (== netcoreapp2.2) (== netstandard2.0)
      Microsoft.Win32.Registry (>= 4.3) - restriction: || (&& (== net472) (< net46)) (== netcoreapp2.2) (== netstandard2.0)
      runtime.native.System (>= 4.3) - restriction: || (&& (== net472) (< net46)) (== netcoreapp2.2) (== netstandard2.0)
      System.Collections (>= 4.3) - restriction: || (&& (== net472) (< net46)) (== netcoreapp2.2) (== netstandard2.0)
      System.Diagnostics.Debug (>= 4.3) - restriction: || (&& (== net472) (< net46)) (== netcoreapp2.2) (== netstandard2.0)
      System.Globalization (>= 4.3) - restriction: || (&& (== net472) (< net46)) (== netcoreapp2.2) (== netstandard2.0)
      System.IO (>= 4.3) - restriction: || (&& (== net472) (< net46)) (== netcoreapp2.2) (== netstandard2.0)
      System.IO.FileSystem (>= 4.3) - restriction: || (&& (== net472) (< net46)) (== netcoreapp2.2) (== netstandard2.0)
      System.IO.FileSystem.Primitives (>= 4.3) - restriction: || (&& (== net472) (< net46)) (== netcoreapp2.2) (== netstandard2.0)
      System.Resources.ResourceManager (>= 4.3) - restriction: || (&& (== net472) (< net46)) (== netcoreapp2.2) (== netstandard2.0)
      System.Runtime (>= 4.3) - restriction: || (&& (== net472) (< net46)) (== netcoreapp2.2) (== netstandard2.0)
      System.Runtime.Extensions (>= 4.3) - restriction: || (&& (== net472) (< net46)) (== netcoreapp2.2) (== netstandard2.0)
      System.Runtime.Handles (>= 4.3) - restriction: || (&& (== net472) (< net46)) (== netcoreapp2.2) (== netstandard2.0)
      System.Runtime.InteropServices (>= 4.3) - restriction: || (&& (== net472) (< net46)) (== netcoreapp2.2) (== netstandard2.0)
      System.Text.Encoding (>= 4.3) - restriction: || (&& (== net472) (< net46)) (== netcoreapp2.2) (== netstandard2.0)
      System.Text.Encoding.Extensions (>= 4.3) - restriction: || (&& (== net472) (< net46)) (== netcoreapp2.2) (== netstandard2.0)
      System.Threading (>= 4.3) - restriction: || (&& (== net472) (< net46)) (== netcoreapp2.2) (== netstandard2.0)
      System.Threading.Tasks (>= 4.3) - restriction: || (&& (== net472) (< net46)) (== netcoreapp2.2) (== netstandard2.0)
      System.Threading.Thread (>= 4.3) - restriction: || (&& (== net472) (< net46)) (== netcoreapp2.2) (== netstandard2.0)
      System.Threading.ThreadPool (>= 4.3) - restriction: || (&& (== net472) (< net46)) (== netcoreapp2.2) (== netstandard2.0)
    System.Diagnostics.TextWriterTraceListener (4.3) - restriction: || (&& (== net472) (>= netcoreapp1.0)) (== netcoreapp2.2) (&& (== netstandard2.0) (>= netcoreapp1.0))
      System.Diagnostics.TraceSource (>= 4.3)
      System.Globalization (>= 4.3) - restriction: || (&& (== net472) (< net46)) (== netcoreapp2.2) (== netstandard2.0)
      System.IO (>= 4.3) - restriction: || (&& (== net472) (< net46)) (== netcoreapp2.2) (== netstandard2.0)
      System.Resources.ResourceManager (>= 4.3) - restriction: || (&& (== net472) (< net46)) (== netcoreapp2.2) (== netstandard2.0)
      System.Runtime (>= 4.3) - restriction: || (&& (== net472) (< net46)) (== netcoreapp2.2) (== netstandard2.0)
      System.Threading (>= 4.3) - restriction: || (&& (== net472) (< net46)) (== netcoreapp2.2) (== netstandard2.0)
    System.Diagnostics.Tools (4.3) - restriction: || (&& (== net472) (< net45)) (== netcoreapp2.2) (== netstandard2.0)
      Microsoft.NETCore.Platforms (>= 1.1) - restriction: || (&& (== net472) (< net45)) (== netcoreapp2.2) (== netstandard2.0)
      Microsoft.NETCore.Targets (>= 1.1) - restriction: || (&& (== net472) (< net45)) (== netcoreapp2.2) (== netstandard2.0)
      System.Runtime (>= 4.3) - restriction: || (&& (== net472) (< net45)) (== netcoreapp2.2) (== netstandard2.0)
    System.Diagnostics.TraceSource (4.3) - restriction: || (&& (== net472) (>= netcoreapp1.0)) (== netcoreapp2.2) (&& (== netstandard2.0) (>= netcoreapp1.0))
      Microsoft.NETCore.Platforms (>= 1.1) - restriction: || (&& (== net472) (< net46)) (== netcoreapp2.2) (== netstandard2.0)
      runtime.native.System (>= 4.3) - restriction: || (&& (== net472) (< net46)) (== netcoreapp2.2) (== netstandard2.0)
      System.Collections (>= 4.3) - restriction: || (&& (== net472) (< net46)) (== netcoreapp2.2) (== netstandard2.0)
      System.Diagnostics.Debug (>= 4.3) - restriction: || (&& (== net472) (< net46)) (== netcoreapp2.2) (== netstandard2.0)
      System.Globalization (>= 4.3) - restriction: || (&& (== net472) (< net46)) (== netcoreapp2.2) (== netstandard2.0)
      System.Resources.ResourceManager (>= 4.3) - restriction: || (&& (== net472) (< net46)) (== netcoreapp2.2) (== netstandard2.0)
      System.Runtime (>= 4.3) - restriction: || (&& (== net472) (< net46)) (== netcoreapp2.2) (== netstandard2.0)
      System.Runtime.Extensions (>= 4.3) - restriction: || (&& (== net472) (< net46)) (== netcoreapp2.2) (== netstandard2.0)
      System.Threading (>= 4.3) - restriction: || (&& (== net472) (< net46)) (== netcoreapp2.2) (== netstandard2.0)
    System.Diagnostics.Tracing (4.3) - restriction: || (&& (== net472) (< net45)) (&& (== net472) (>= netcoreapp1.0)) (== netcoreapp2.2) (== netstandard2.0)
      Microsoft.NETCore.Platforms (>= 1.1) - restriction: || (&& (== net472) (< net45)) (== netcoreapp2.2) (== netstandard2.0)
      Microsoft.NETCore.Targets (>= 1.1) - restriction: || (&& (== net472) (< net45)) (== netcoreapp2.2) (== netstandard2.0)
      System.Runtime (>= 4.3) - restriction: || (&& (== net472) (< net45)) (== netcoreapp2.2) (== netstandard2.0)
    System.Dynamic.Runtime (4.3) - restriction: || (== netcoreapp2.2) (== netstandard2.0)
      System.Collections (>= 4.3) - restriction: || (&& (== net472) (< net45)) (== netcoreapp2.2) (== netstandard2.0)
      System.Diagnostics.Debug (>= 4.3) - restriction: || (&& (== net472) (< net45)) (== netcoreapp2.2) (== netstandard2.0)
      System.Linq (>= 4.3) - restriction: || (&& (== net472) (< net45)) (== netcoreapp2.2) (== netstandard2.0)
      System.Linq.Expressions (>= 4.3) - restriction: || (&& (== net472) (< net45)) (== netcoreapp2.2) (== netstandard2.0)
      System.ObjectModel (>= 4.3) - restriction: || (&& (== net472) (< net45)) (== netcoreapp2.2) (== netstandard2.0)
      System.Reflection (>= 4.3) - restriction: || (&& (== net472) (< net45)) (== netcoreapp2.2) (== netstandard2.0)
      System.Reflection.Emit (>= 4.3) - restriction: || (&& (== net472) (< net45)) (== netcoreapp2.2) (== netstandard2.0)
      System.Reflection.Emit.ILGeneration (>= 4.3) - restriction: || (&& (== net472) (< net45)) (== netcoreapp2.2) (== netstandard2.0)
      System.Reflection.Primitives (>= 4.3) - restriction: || (&& (== net472) (< net45)) (== netcoreapp2.2) (== netstandard2.0)
      System.Reflection.TypeExtensions (>= 4.3) - restriction: || (&& (== net472) (< net45)) (== netcoreapp2.2) (== netstandard2.0)
      System.Resources.ResourceManager (>= 4.3) - restriction: || (&& (== net472) (< net45)) (== netcoreapp2.2) (== netstandard2.0)
      System.Runtime (>= 4.3) - restriction: || (&& (== net472) (< net45)) (== netcoreapp2.2) (== netstandard2.0)
      System.Runtime.Extensions (>= 4.3) - restriction: || (&& (== net472) (< net45)) (== netcoreapp2.2) (== netstandard2.0)
      System.Threading (>= 4.3) - restriction: || (&& (== net472) (< net45)) (== netcoreapp2.2) (== netstandard2.0)
    System.Globalization (4.3) - restriction: || (&& (== net472) (< net46)) (&& (== net472) (>= netcoreapp1.0)) (== netcoreapp2.2) (== netstandard2.0)
      Microsoft.NETCore.Platforms (>= 1.1) - restriction: || (&& (== net472) (< net45)) (== netcoreapp2.2) (== netstandard2.0)
      Microsoft.NETCore.Targets (>= 1.1) - restriction: || (&& (== net472) (< net45)) (== netcoreapp2.2) (== netstandard2.0)
      System.Runtime (>= 4.3) - restriction: || (&& (== net472) (< net45)) (== netcoreapp2.2) (== netstandard2.0)
    System.Globalization.Calendars (4.3) - restriction: || (&& (== net472) (< net46)) (== netcoreapp2.2) (== netstandard2.0)
      Microsoft.NETCore.Platforms (>= 1.1) - restriction: || (&& (== net472) (< net46)) (== netcoreapp2.2) (== netstandard2.0)
      Microsoft.NETCore.Targets (>= 1.1) - restriction: || (&& (== net472) (< net46)) (== netcoreapp2.2) (== netstandard2.0)
      System.Globalization (>= 4.3) - restriction: || (&& (== net472) (< net46)) (== netcoreapp2.2) (== netstandard2.0)
      System.Runtime (>= 4.3) - restriction: || (&& (== net472) (< net46)) (== netcoreapp2.2) (== netstandard2.0)
    System.Globalization.Extensions (4.3) - restriction: || (&& (== net472) (< net45)) (&& (== net472) (>= netcoreapp1.0)) (== netcoreapp2.2) (== netstandard2.0)
      Microsoft.NETCore.Platforms (>= 1.1) - restriction: || (&& (== net472) (< net46)) (== netcoreapp2.2) (== netstandard2.0)
      System.Globalization (>= 4.3) - restriction: || (&& (== net472) (< net46)) (== netcoreapp2.2) (== netstandard2.0)
      System.Resources.ResourceManager (>= 4.3) - restriction: || (&& (== net472) (< net46)) (== netcoreapp2.2) (== netstandard2.0)
      System.Runtime (>= 4.3) - restriction: || (&& (== net472) (< net46)) (== netcoreapp2.2) (== netstandard2.0)
      System.Runtime.Extensions (>= 4.3) - restriction: || (&& (== net472) (< net46)) (== netcoreapp2.2) (== netstandard2.0)
      System.Runtime.InteropServices (>= 4.3) - restriction: || (&& (== net472) (< net46)) (== netcoreapp2.2) (== netstandard2.0)
    System.IO (4.3) - restriction: || (&& (== net472) (< net46)) (&& (== net472) (>= netcoreapp1.0)) (== netcoreapp2.2) (== netstandard2.0)
      Microsoft.NETCore.Platforms (>= 1.1) - restriction: || (&& (== net472) (< net45)) (== netcoreapp2.2) (== netstandard2.0)
      Microsoft.NETCore.Targets (>= 1.1) - restriction: || (&& (== net472) (< net45)) (== netcoreapp2.2) (== netstandard2.0)
      System.Runtime (>= 4.3) - restriction: || (&& (== net472) (< net45)) (== netcoreapp2.2) (== netstandard2.0)
      System.Text.Encoding (>= 4.3) - restriction: || (&& (== net472) (< net45)) (== netcoreapp2.2) (== netstandard2.0)
      System.Threading.Tasks (>= 4.3) - restriction: || (&& (== net472) (< net45)) (== netcoreapp2.2) (== netstandard2.0)
    System.IO.FileSystem (4.3) - restriction: || (&& (== net472) (< net46)) (== netcoreapp2.2) (== netstandard2.0)
      Microsoft.NETCore.Platforms (>= 1.1) - restriction: || (&& (== net472) (< net46)) (== netcoreapp2.2) (== netstandard2.0)
      Microsoft.NETCore.Targets (>= 1.1) - restriction: || (&& (== net472) (< net46)) (== netcoreapp2.2) (== netstandard2.0)
      System.IO (>= 4.3) - restriction: || (&& (== net472) (< net46)) (== netcoreapp2.2) (== netstandard2.0)
      System.IO.FileSystem.Primitives (>= 4.3)
      System.Runtime (>= 4.3) - restriction: || (&& (== net472) (< net46)) (== netcoreapp2.2) (== netstandard2.0)
      System.Runtime.Handles (>= 4.3) - restriction: || (&& (== net472) (< net46)) (== netcoreapp2.2) (== netstandard2.0)
      System.Text.Encoding (>= 4.3) - restriction: || (&& (== net472) (< net46)) (== netcoreapp2.2) (== netstandard2.0)
      System.Threading.Tasks (>= 4.3) - restriction: || (&& (== net472) (< net46)) (== netcoreapp2.2) (== netstandard2.0)
    System.IO.FileSystem.Primitives (4.3) - restriction: || (&& (== net472) (< net46)) (== netcoreapp2.2) (== netstandard2.0)
      System.Runtime (>= 4.3) - restriction: || (&& (== net472) (< net46)) (== netcoreapp2.2) (== netstandard2.0)
    System.IO.FileSystem.Watcher (4.3)
      Microsoft.NETCore.Platforms (>= 1.1) - restriction: || (&& (== net472) (< net46)) (== netcoreapp2.2) (== netstandard2.0)
      Microsoft.Win32.Primitives (>= 4.3) - restriction: || (&& (== net472) (< net46)) (== netcoreapp2.2) (== netstandard2.0)
      runtime.native.System (>= 4.3) - restriction: || (&& (== net472) (< net46)) (== netcoreapp2.2) (== netstandard2.0)
      System.Collections (>= 4.3) - restriction: || (&& (== net472) (< net46)) (== netcoreapp2.2) (== netstandard2.0)
      System.IO.FileSystem (>= 4.3) - restriction: || (&& (== net472) (< net46)) (== netcoreapp2.2) (== netstandard2.0)
      System.IO.FileSystem.Primitives (>= 4.3) - restriction: || (&& (== net472) (< net46)) (== netcoreapp2.2) (== netstandard2.0)
      System.Resources.ResourceManager (>= 4.3) - restriction: || (&& (== net472) (< net46)) (== netcoreapp2.2) (== netstandard2.0)
      System.Runtime (>= 4.3) - restriction: || (&& (== net472) (< net46)) (== netcoreapp2.2) (== netstandard2.0)
      System.Runtime.Extensions (>= 4.3) - restriction: || (&& (== net472) (< net46)) (== netcoreapp2.2) (== netstandard2.0)
      System.Runtime.Handles (>= 4.3) - restriction: || (&& (== net472) (< net46)) (== netcoreapp2.2) (== netstandard2.0)
      System.Runtime.InteropServices (>= 4.3) - restriction: || (&& (== net472) (< net46)) (== netcoreapp2.2) (== netstandard2.0)
      System.Text.Encoding (>= 4.3) - restriction: || (&& (== net472) (< net46)) (== netcoreapp2.2) (== netstandard2.0)
      System.Threading (>= 4.3) - restriction: || (&& (== net472) (< net46)) (== netcoreapp2.2) (== netstandard2.0)
      System.Threading.Overlapped (>= 4.3) - restriction: || (&& (== net472) (< net46)) (== netcoreapp2.2) (== netstandard2.0)
      System.Threading.Tasks (>= 4.3) - restriction: || (&& (== net472) (< net46)) (== netcoreapp2.2) (== netstandard2.0)
      System.Threading.Thread (>= 4.3) - restriction: || (&& (== net472) (< net46)) (== netcoreapp2.2) (== netstandard2.0)
    System.Linq (4.3) - restriction: || (&& (== net472) (< net46)) (&& (== net472) (>= netcoreapp1.0)) (== netcoreapp2.2) (== netstandard2.0)
      System.Collections (>= 4.3) - restriction: || (&& (== net472) (< net45)) (== netcoreapp2.2) (== netstandard2.0)
      System.Diagnostics.Debug (>= 4.3) - restriction: || (&& (== net472) (< net45)) (== netcoreapp2.2) (== netstandard2.0)
      System.Resources.ResourceManager (>= 4.3) - restriction: || (&& (== net472) (< net45)) (== netcoreapp2.2) (== netstandard2.0)
      System.Runtime (>= 4.3) - restriction: || (&& (== net472) (< net45)) (== netcoreapp2.2) (== netstandard2.0)
      System.Runtime.Extensions (>= 4.3) - restriction: || (&& (== net472) (< net45)) (== netcoreapp2.2) (== netstandard2.0)
    System.Linq.Expressions (4.3) - restriction: || (== netcoreapp2.2) (== netstandard2.0)
      System.Collections (>= 4.3) - restriction: || (&& (== net472) (< net45)) (== netcoreapp2.2) (== netstandard2.0)
      System.Diagnostics.Debug (>= 4.3) - restriction: || (&& (== net472) (< net45)) (== netcoreapp2.2) (== netstandard2.0)
      System.Globalization (>= 4.3) - restriction: || (&& (== net472) (< net45)) (== netcoreapp2.2) (== netstandard2.0)
      System.IO (>= 4.3) - restriction: || (&& (== net472) (< net45)) (== netcoreapp2.2) (== netstandard2.0)
      System.Linq (>= 4.3) - restriction: || (&& (== net472) (< net45)) (== netcoreapp2.2) (== netstandard2.0)
      System.ObjectModel (>= 4.3) - restriction: || (&& (== net472) (< net45)) (== netcoreapp2.2) (== netstandard2.0)
      System.Reflection (>= 4.3) - restriction: || (&& (== net472) (< net45)) (== netcoreapp2.2) (== netstandard2.0)
      System.Reflection.Emit (>= 4.3) - restriction: || (&& (== net472) (< net45)) (== netcoreapp2.2) (== netstandard2.0)
      System.Reflection.Emit.ILGeneration (>= 4.3) - restriction: || (&& (== net472) (< net45)) (== netcoreapp2.2) (== netstandard2.0)
      System.Reflection.Emit.Lightweight (>= 4.3) - restriction: || (&& (== net472) (< net45)) (== netcoreapp2.2) (== netstandard2.0)
      System.Reflection.Extensions (>= 4.3) - restriction: || (&& (== net472) (< net45)) (== netcoreapp2.2) (== netstandard2.0)
      System.Reflection.Primitives (>= 4.3) - restriction: || (&& (== net472) (< net45)) (== netcoreapp2.2) (== netstandard2.0)
      System.Reflection.TypeExtensions (>= 4.3) - restriction: || (&& (== net472) (< net45)) (== netcoreapp2.2) (== netstandard2.0)
      System.Resources.ResourceManager (>= 4.3) - restriction: || (&& (== net472) (< net45)) (== netcoreapp2.2) (== netstandard2.0)
      System.Runtime (>= 4.3) - restriction: || (&& (== net472) (< net45)) (== netcoreapp2.2) (== netstandard2.0)
      System.Runtime.Extensions (>= 4.3) - restriction: || (&& (== net472) (< net45)) (== netcoreapp2.2) (== netstandard2.0)
      System.Threading (>= 4.3) - restriction: || (&& (== net472) (< net45)) (== netcoreapp2.2) (== netstandard2.0)
    System.Linq.Parallel (4.3) - restriction: || (== netcoreapp2.2) (== netstandard2.0)
      System.Collections (>= 4.3) - restriction: || (&& (== net472) (< net45)) (== netcoreapp2.2) (== netstandard2.0)
      System.Collections.Concurrent (>= 4.3) - restriction: || (&& (== net472) (< net45)) (== netcoreapp2.2) (== netstandard2.0)
      System.Diagnostics.Debug (>= 4.3) - restriction: || (&& (== net472) (< net45)) (== netcoreapp2.2) (== netstandard2.0)
      System.Diagnostics.Tracing (>= 4.3) - restriction: || (&& (== net472) (< net45)) (== netcoreapp2.2) (== netstandard2.0)
      System.Linq (>= 4.3) - restriction: || (&& (== net472) (< net45)) (== netcoreapp2.2) (== netstandard2.0)
      System.Resources.ResourceManager (>= 4.3) - restriction: || (&& (== net472) (< net45)) (== netcoreapp2.2) (== netstandard2.0)
      System.Runtime (>= 4.3) - restriction: || (&& (== net472) (< net45)) (== netcoreapp2.2) (== netstandard2.0)
      System.Runtime.Extensions (>= 4.3) - restriction: || (&& (== net472) (< net45)) (== netcoreapp2.2) (== netstandard2.0)
      System.Threading (>= 4.3) - restriction: || (&& (== net472) (< net45)) (== netcoreapp2.2) (== netstandard2.0)
      System.Threading.Tasks (>= 4.3) - restriction: || (&& (== net472) (< net45)) (== netcoreapp2.2) (== netstandard2.0)
    System.Memory (4.5.3)
      System.Buffers (>= 4.4) - restriction: || (== net472) (&& (== netcoreapp2.2) (>= monotouch)) (&& (== netcoreapp2.2) (>= net461)) (&& (== netcoreapp2.2) (< netcoreapp2.0)) (&& (== netcoreapp2.2) (< netstandard1.1)) (&& (== netcoreapp2.2) (< netstandard2.0)) (&& (== netcoreapp2.2) (>= xamarinios)) (&& (== netcoreapp2.2) (>= xamarinmac)) (&& (== netcoreapp2.2) (>= xamarintvos)) (&& (== netcoreapp2.2) (>= xamarinwatchos)) (== netstandard2.0)
      System.Numerics.Vectors (>= 4.4) - restriction: || (== net472) (&& (== netcoreapp2.2) (>= net461)) (&& (== netcoreapp2.2) (< netcoreapp2.0)) (== netstandard2.0)
      System.Runtime.CompilerServices.Unsafe (>= 4.5.2) - restriction: || (== net472) (&& (== netcoreapp2.2) (>= monotouch)) (&& (== netcoreapp2.2) (>= net461)) (&& (== netcoreapp2.2) (< netcoreapp2.0)) (&& (== netcoreapp2.2) (< netcoreapp2.1)) (&& (== netcoreapp2.2) (< netstandard1.1)) (&& (== netcoreapp2.2) (< netstandard2.0)) (&& (== netcoreapp2.2) (>= uap10.1)) (&& (== netcoreapp2.2) (>= xamarinios)) (&& (== netcoreapp2.2) (>= xamarinmac)) (&& (== netcoreapp2.2) (>= xamarintvos)) (&& (== netcoreapp2.2) (>= xamarinwatchos)) (== netstandard2.0)
    System.Net.Http (4.3.4)
      Microsoft.NETCore.Platforms (>= 1.1.1) - restriction: || (&& (== net472) (< net45)) (== netcoreapp2.2) (== netstandard2.0)
      runtime.native.System (>= 4.3) - restriction: || (&& (== net472) (< net45)) (== netcoreapp2.2) (== netstandard2.0)
      runtime.native.System.Net.Http (>= 4.3) - restriction: || (&& (== net472) (< net45)) (== netcoreapp2.2) (== netstandard2.0)
      runtime.native.System.Security.Cryptography.OpenSsl (>= 4.3.2) - restriction: || (&& (== net472) (< net45)) (== netcoreapp2.2) (== netstandard2.0)
      System.Collections (>= 4.3) - restriction: || (&& (== net472) (< net45)) (== netcoreapp2.2) (== netstandard2.0)
      System.Diagnostics.Debug (>= 4.3) - restriction: || (&& (== net472) (< net45)) (== netcoreapp2.2) (== netstandard2.0)
      System.Diagnostics.DiagnosticSource (>= 4.3) - restriction: || (&& (== net472) (< net45)) (== netcoreapp2.2) (== netstandard2.0)
      System.Diagnostics.Tracing (>= 4.3) - restriction: || (&& (== net472) (< net45)) (== netcoreapp2.2) (== netstandard2.0)
      System.Globalization (>= 4.3) - restriction: || (&& (== net472) (< net45)) (== netcoreapp2.2) (== netstandard2.0)
      System.Globalization.Extensions (>= 4.3) - restriction: || (&& (== net472) (< net45)) (== netcoreapp2.2) (== netstandard2.0)
      System.IO (>= 4.3) - restriction: || (&& (== net472) (< net45)) (== netcoreapp2.2) (== netstandard2.0)
      System.IO.FileSystem (>= 4.3) - restriction: || (&& (== net472) (< net45)) (== netcoreapp2.2) (== netstandard2.0)
      System.Net.Primitives (>= 4.3) - restriction: || (&& (== net472) (< net45)) (== netcoreapp2.2) (== netstandard2.0)
      System.Resources.ResourceManager (>= 4.3) - restriction: || (&& (== net472) (< net45)) (== netcoreapp2.2) (== netstandard2.0)
      System.Runtime (>= 4.3) - restriction: || (&& (== net472) (< net45)) (== netcoreapp2.2) (== netstandard2.0)
      System.Runtime.Extensions (>= 4.3) - restriction: || (&& (== net472) (< net45)) (== netcoreapp2.2) (== netstandard2.0)
      System.Runtime.Handles (>= 4.3) - restriction: || (&& (== net472) (< net45)) (== netcoreapp2.2) (== netstandard2.0)
      System.Runtime.InteropServices (>= 4.3) - restriction: || (&& (== net472) (< net45)) (== netcoreapp2.2) (== netstandard2.0)
      System.Security.Cryptography.Algorithms (>= 4.3) - restriction: || (&& (== net472) (< net45)) (== netcoreapp2.2) (== netstandard2.0)
      System.Security.Cryptography.Encoding (>= 4.3) - restriction: || (&& (== net472) (< net45)) (== netcoreapp2.2) (== netstandard2.0)
      System.Security.Cryptography.OpenSsl (>= 4.3) - restriction: || (&& (== net472) (< net45)) (== netcoreapp2.2) (== netstandard2.0)
      System.Security.Cryptography.Primitives (>= 4.3) - restriction: || (&& (== net472) (< net45)) (== netcoreapp2.2) (== netstandard2.0)
      System.Security.Cryptography.X509Certificates (>= 4.3)
      System.Text.Encoding (>= 4.3) - restriction: || (&& (== net472) (< net45)) (== netcoreapp2.2) (== netstandard2.0)
      System.Threading (>= 4.3) - restriction: || (&& (== net472) (< net45)) (== netcoreapp2.2) (== netstandard2.0)
      System.Threading.Tasks (>= 4.3) - restriction: || (&& (== net472) (< net45)) (== netcoreapp2.2) (== netstandard2.0)
    System.Net.Primitives (4.3.1) - restriction: || (&& (== net472) (< net45)) (== netcoreapp2.2) (== netstandard2.0)
      Microsoft.NETCore.Platforms (>= 1.1.1) - restriction: || (&& (== net472) (< net45)) (&& (== net472) (< netstandard1.1)) (== netcoreapp2.2) (== netstandard2.0)
      Microsoft.NETCore.Targets (>= 1.1.3) - restriction: || (&& (== net472) (< net45)) (&& (== net472) (< netstandard1.1)) (== netcoreapp2.2) (== netstandard2.0)
      System.Runtime (>= 4.3.1) - restriction: || (&& (== net472) (< net45)) (&& (== net472) (< netstandard1.1)) (== netcoreapp2.2) (== netstandard2.0)
      System.Runtime.Handles (>= 4.3) - restriction: || (&& (== net472) (< net45)) (== netcoreapp2.2) (== netstandard2.0)
    System.Numerics.Vectors (4.5) - restriction: || (== net472) (&& (== netcoreapp2.2) (>= net461)) (&& (== netcoreapp2.2) (< netcoreapp2.0)) (== netstandard2.0)
    System.ObjectModel (4.3) - restriction: || (== netcoreapp2.2) (== netstandard2.0)
      System.Collections (>= 4.3) - restriction: || (&& (== net472) (< net45)) (== netcoreapp2.2) (== netstandard2.0)
      System.Diagnostics.Debug (>= 4.3) - restriction: || (&& (== net472) (< net45)) (== netcoreapp2.2) (== netstandard2.0)
      System.Resources.ResourceManager (>= 4.3) - restriction: || (&& (== net472) (< net45)) (== netcoreapp2.2) (== netstandard2.0)
      System.Runtime (>= 4.3) - restriction: || (&& (== net472) (< net45)) (== netcoreapp2.2) (== netstandard2.0)
      System.Threading (>= 4.3) - restriction: || (&& (== net472) (< net45)) (== netcoreapp2.2) (== netstandard2.0)
    System.Private.DataContractSerialization (4.3) - restriction: || (&& (== net472) (>= netcoreapp1.0)) (== netcoreapp2.2) (&& (== netstandard2.0) (>= netcoreapp1.0))
      System.Collections (>= 4.3) - restriction: || (&& (== net472) (< net46)) (== netcoreapp2.2) (== netstandard2.0)
      System.Collections.Concurrent (>= 4.3) - restriction: || (&& (== net472) (< net46)) (== netcoreapp2.2) (== netstandard2.0)
      System.Diagnostics.Debug (>= 4.3) - restriction: || (&& (== net472) (< net46)) (== netcoreapp2.2) (== netstandard2.0)
      System.Globalization (>= 4.3) - restriction: || (&& (== net472) (< net46)) (== netcoreapp2.2) (== netstandard2.0)
      System.IO (>= 4.3) - restriction: || (&& (== net472) (< net46)) (== netcoreapp2.2) (== netstandard2.0)
      System.Linq (>= 4.3) - restriction: || (&& (== net472) (< net46)) (== netcoreapp2.2) (== netstandard2.0)
      System.Reflection (>= 4.3) - restriction: || (&& (== net472) (< net46)) (== netcoreapp2.2) (== netstandard2.0)
      System.Reflection.Emit.ILGeneration (>= 4.3) - restriction: || (&& (== net472) (< net46)) (== netcoreapp2.2) (== netstandard2.0)
      System.Reflection.Emit.Lightweight (>= 4.3) - restriction: || (&& (== net472) (< net46)) (== netcoreapp2.2) (== netstandard2.0)
      System.Reflection.Extensions (>= 4.3) - restriction: || (&& (== net472) (< net46)) (== netcoreapp2.2) (== netstandard2.0)
      System.Reflection.Primitives (>= 4.3) - restriction: || (&& (== net472) (< net46)) (== netcoreapp2.2) (== netstandard2.0)
      System.Reflection.TypeExtensions (>= 4.3)
      System.Resources.ResourceManager (>= 4.3) - restriction: || (&& (== net472) (< net46)) (== netcoreapp2.2) (== netstandard2.0)
      System.Runtime (>= 4.3) - restriction: || (&& (== net472) (< net46)) (== netcoreapp2.2) (== netstandard2.0)
      System.Runtime.Extensions (>= 4.3) - restriction: || (&& (== net472) (< net46)) (== netcoreapp2.2) (== netstandard2.0)
      System.Runtime.Serialization.Primitives (>= 4.3)
      System.Text.Encoding (>= 4.3) - restriction: || (&& (== net472) (< net46)) (== netcoreapp2.2) (== netstandard2.0)
      System.Text.Encoding.Extensions (>= 4.3) - restriction: || (&& (== net472) (< net46)) (== netcoreapp2.2) (== netstandard2.0)
      System.Text.RegularExpressions (>= 4.3) - restriction: || (&& (== net472) (< net46)) (== netcoreapp2.2) (== netstandard2.0)
      System.Threading (>= 4.3) - restriction: || (&& (== net472) (< net46)) (== netcoreapp2.2) (== netstandard2.0)
      System.Threading.Tasks (>= 4.3) - restriction: || (&& (== net472) (< net46)) (== netcoreapp2.2) (== netstandard2.0)
      System.Xml.ReaderWriter (>= 4.3) - restriction: || (&& (== net472) (< net46)) (== netcoreapp2.2) (== netstandard2.0)
      System.Xml.XDocument (>= 4.3) - restriction: || (&& (== net472) (< net46)) (== netcoreapp2.2) (== netstandard2.0)
      System.Xml.XmlDocument (>= 4.3)
      System.Xml.XmlSerializer (>= 4.3) - restriction: || (&& (== net472) (< net46)) (== netcoreapp2.2) (== netstandard2.0)
    System.Reactive (4.2)
      System.Runtime.InteropServices.WindowsRuntime (>= 4.3) - restriction: || (&& (== net472) (< net46)) (== netcoreapp2.2) (== netstandard2.0)
      System.Threading.Tasks.Extensions (>= 4.5.3)
      System.ValueTuple (>= 4.5) - restriction: || (== net472) (&& (== netcoreapp2.2) (>= net46)) (&& (== netcoreapp2.2) (< netstandard2.0) (>= uap10.0)) (&& (== netstandard2.0) (>= net46))
    System.Reactive.Compatibility (4.2)
      System.Reactive.Core (>= 4.2)
      System.Reactive.Experimental (>= 4.2) - restriction: || (== net472) (&& (== netcoreapp2.2) (>= net45)) (&& (== netstandard2.0) (>= net45))
      System.Reactive.Interfaces (>= 4.2)
      System.Reactive.Linq (>= 4.2)
      System.Reactive.PlatformServices (>= 4.2)
      System.Reactive.Providers (>= 4.2)
      System.Reactive.Runtime.Remoting (>= 4.2) - restriction: || (== net472) (&& (== netcoreapp2.2) (>= net45)) (&& (== netstandard2.0) (>= net45))
      System.Reactive.Windows.Forms (>= 4.2) - restriction: || (== net472) (&& (== netcoreapp2.2) (>= net45)) (&& (== netstandard2.0) (>= net45))
      System.Reactive.Windows.Threading (>= 4.2) - restriction: || (== net472) (&& (== netcoreapp2.2) (>= net45)) (&& (== netcoreapp2.2) (>= uap10.0)) (&& (== netstandard2.0) (>= net45)) (&& (== netstandard2.0) (>= uap10.0))
    System.Reactive.Core (4.2)
      System.Reactive (>= 4.2)
      System.Threading.Tasks.Extensions (>= 4.5.3)
    System.Reactive.Experimental (4.2) - restriction: || (== net472) (&& (== netcoreapp2.2) (>= net45)) (&& (== netstandard2.0) (>= net45))
      System.Reactive (>= 4.2) - restriction: || (== net472) (&& (== netcoreapp2.2) (>= net46)) (&& (== netstandard2.0) (>= net46))
      System.Threading.Tasks.Extensions (>= 4.5.3) - restriction: || (== net472) (&& (== netcoreapp2.2) (>= net46)) (&& (== netstandard2.0) (>= net46))
    System.Reactive.Interfaces (4.2)
      System.Reactive (>= 4.2)
      System.Threading.Tasks.Extensions (>= 4.5.3)
    System.Reactive.Linq (4.2)
      System.Reactive (>= 4.2)
      System.Threading.Tasks.Extensions (>= 4.5.3)
    System.Reactive.PlatformServices (4.2)
      System.Reactive (>= 4.2)
      System.Threading.Tasks.Extensions (>= 4.5.3)
    System.Reactive.Providers (4.2)
      System.Reactive (>= 4.2)
      System.Threading.Tasks.Extensions (>= 4.5.3)
    System.Reactive.Runtime.Remoting (4.2) - restriction: || (== net472) (&& (== netcoreapp2.2) (>= net45)) (&& (== netstandard2.0) (>= net45))
      System.Reactive (>= 4.2) - restriction: || (== net472) (&& (== netcoreapp2.2) (>= net46)) (&& (== netstandard2.0) (>= net46))
      System.Threading.Tasks.Extensions (>= 4.5.3) - restriction: || (== net472) (&& (== netcoreapp2.2) (>= net46)) (&& (== netstandard2.0) (>= net46))
    System.Reactive.Windows.Forms (4.2) - restriction: || (== net472) (&& (== netcoreapp2.2) (>= net45)) (&& (== netstandard2.0) (>= net45))
      System.Reactive (>= 4.2) - restriction: || (== net472) (&& (== netcoreapp2.2) (>= net46)) (&& (== netstandard2.0) (>= net46))
      System.Threading.Tasks.Extensions (>= 4.5.3) - restriction: || (== net472) (&& (== netcoreapp2.2) (>= net46)) (&& (== netstandard2.0) (>= net46))
    System.Reactive.Windows.Threading (4.2) - restriction: || (== net472) (&& (== netcoreapp2.2) (>= net45)) (&& (== netcoreapp2.2) (>= uap10.0)) (&& (== netstandard2.0) (>= net45)) (&& (== netstandard2.0) (>= uap10.0))
      System.Reactive (>= 4.2) - restriction: || (== net472) (&& (== netcoreapp2.2) (>= net46)) (&& (== netcoreapp2.2) (>= uap10.0)) (&& (== netstandard2.0) (>= net46)) (&& (== netstandard2.0) (>= uap10.0))
      System.Threading.Tasks.Extensions (>= 4.5.3) - restriction: || (== net472) (&& (== netcoreapp2.2) (>= net46)) (&& (== netcoreapp2.2) (>= uap10.0)) (&& (== netstandard2.0) (>= net46)) (&& (== netstandard2.0) (>= uap10.0))
    System.Reflection (4.3) - restriction: || (&& (== net472) (< net45)) (&& (== net472) (>= netcoreapp1.0)) (== netcoreapp2.2) (== netstandard2.0)
      Microsoft.NETCore.Platforms (>= 1.1) - restriction: || (&& (== net472) (< net45)) (== netcoreapp2.2) (== netstandard2.0)
      Microsoft.NETCore.Targets (>= 1.1) - restriction: || (&& (== net472) (< net45)) (== netcoreapp2.2) (== netstandard2.0)
      System.IO (>= 4.3) - restriction: || (&& (== net472) (< net45)) (== netcoreapp2.2) (== netstandard2.0)
      System.Reflection.Primitives (>= 4.3) - restriction: || (&& (== net472) (< net45)) (== netcoreapp2.2) (== netstandard2.0)
      System.Runtime (>= 4.3) - restriction: || (&& (== net472) (< net45)) (== netcoreapp2.2) (== netstandard2.0)
    System.Reflection.Emit (4.3) - restriction: || (&& (== net472) (>= netcoreapp1.0)) (== netcoreapp2.2) (== netstandard2.0)
      System.IO (>= 4.3) - restriction: || (&& (== net472) (< net45)) (== netcoreapp2.2) (== netstandard2.0)
      System.Reflection (>= 4.3) - restriction: || (&& (== net472) (< net45)) (== netcoreapp2.2) (== netstandard2.0)
      System.Reflection.Emit.ILGeneration (>= 4.3) - restriction: || (&& (== net472) (< net45)) (== netcoreapp2.2) (== netstandard2.0)
      System.Reflection.Primitives (>= 4.3) - restriction: || (&& (== net472) (< net45)) (== netcoreapp2.2) (== netstandard2.0)
      System.Runtime (>= 4.3) - restriction: || (&& (== net472) (< net45)) (== netcoreapp2.2) (== netstandard2.0)
    System.Reflection.Emit.ILGeneration (4.3) - restriction: || (&& (== net472) (>= netcoreapp1.0)) (== netcoreapp2.2) (== netstandard2.0)
      System.Reflection (>= 4.3) - restriction: || (&& (== net472) (< net45)) (== netcoreapp2.2) (== netstandard2.0)
      System.Reflection.Primitives (>= 4.3) - restriction: || (&& (== net472) (< net45)) (== netcoreapp2.2) (== netstandard2.0)
      System.Runtime (>= 4.3) - restriction: || (&& (== net472) (< net45)) (== netcoreapp2.2) (== netstandard2.0)
    System.Reflection.Emit.Lightweight (4.3) - restriction: || (&& (== net472) (>= netcoreapp1.0)) (== netcoreapp2.2) (== netstandard2.0)
      System.Reflection (>= 4.3) - restriction: || (&& (== net472) (< net45)) (== netcoreapp2.2) (== netstandard2.0)
      System.Reflection.Emit.ILGeneration (>= 4.3) - restriction: || (&& (== net472) (< net45)) (== netcoreapp2.2) (== netstandard2.0)
      System.Reflection.Primitives (>= 4.3) - restriction: || (&& (== net472) (< net45)) (== netcoreapp2.2) (== netstandard2.0)
      System.Runtime (>= 4.3) - restriction: || (&& (== net472) (< net45)) (== netcoreapp2.2) (== netstandard2.0)
    System.Reflection.Extensions (4.3) - restriction: || (&& (== net472) (>= netcoreapp1.0)) (== netcoreapp2.2) (== netstandard2.0)
      Microsoft.NETCore.Platforms (>= 1.1) - restriction: || (&& (== net472) (< net45)) (== netcoreapp2.2) (== netstandard2.0)
      Microsoft.NETCore.Targets (>= 1.1) - restriction: || (&& (== net472) (< net45)) (== netcoreapp2.2) (== netstandard2.0)
      System.Reflection (>= 4.3) - restriction: || (&& (== net472) (< net45)) (== netcoreapp2.2) (== netstandard2.0)
      System.Runtime (>= 4.3) - restriction: || (&& (== net472) (< net45)) (== netcoreapp2.2) (== netstandard2.0)
    System.Reflection.Metadata (1.6) - restriction: || (&& (== net472) (< net46)) (&& (== net472) (>= netcoreapp1.0)) (&& (== net472) (>= netcoreapp2.1)) (== netcoreapp2.2) (== netstandard2.0)
      System.Collections.Immutable (>= 1.5) - restriction: || (== net472) (&& (== netcoreapp2.2) (>= net45)) (&& (== netcoreapp2.2) (< netcoreapp2.1)) (&& (== netcoreapp2.2) (< netstandard1.1)) (&& (== netcoreapp2.2) (< netstandard2.0)) (== netstandard2.0)
    System.Reflection.Primitives (4.3) - restriction: || (&& (== net472) (< net45)) (&& (== net472) (>= netcoreapp1.0)) (&& (== net472) (>= netcoreapp1.1)) (== netcoreapp2.2) (== netstandard2.0)
      Microsoft.NETCore.Platforms (>= 1.1) - restriction: || (&& (== net472) (< net45)) (== netcoreapp2.2) (== netstandard2.0)
      Microsoft.NETCore.Targets (>= 1.1) - restriction: || (&& (== net472) (< net45)) (== netcoreapp2.2) (== netstandard2.0)
      System.Runtime (>= 4.3) - restriction: || (&& (== net472) (< net45)) (== netcoreapp2.2) (== netstandard2.0)
    System.Reflection.TypeExtensions (4.5.1) - restriction: || (&& (== net472) (>= netcoreapp1.0)) (== netcoreapp2.2) (== netstandard2.0)
    System.Resources.Extensions (4.6)
      System.Memory (>= 4.5.3) - restriction: || (== net472) (&& (== netcoreapp2.2) (< netcoreapp2.1)) (== netstandard2.0)
    System.Resources.ResourceManager (4.3) - restriction: || (&& (== net472) (< net46)) (&& (== net472) (>= netcoreapp1.0)) (== netcoreapp2.2) (== netstandard2.0)
      Microsoft.NETCore.Platforms (>= 1.1) - restriction: || (&& (== net472) (< net45)) (== netcoreapp2.2) (== netstandard2.0)
      Microsoft.NETCore.Targets (>= 1.1) - restriction: || (&& (== net472) (< net45)) (== netcoreapp2.2) (== netstandard2.0)
      System.Globalization (>= 4.3) - restriction: || (&& (== net472) (< net45)) (== netcoreapp2.2) (== netstandard2.0)
      System.Reflection (>= 4.3) - restriction: || (&& (== net472) (< net45)) (== netcoreapp2.2) (== netstandard2.0)
      System.Runtime (>= 4.3) - restriction: || (&& (== net472) (< net45)) (== netcoreapp2.2) (== netstandard2.0)
    System.Resources.Writer (4.3) - restriction: || (== netcoreapp2.2) (== netstandard2.0)
      System.Collections (>= 4.3) - restriction: || (&& (== net472) (< net46)) (== netcoreapp2.2) (== netstandard2.0)
      System.IO (>= 4.3) - restriction: || (&& (== net472) (< net46)) (== netcoreapp2.2) (== netstandard2.0)
      System.Resources.ResourceManager (>= 4.3) - restriction: || (&& (== net472) (< net46)) (== netcoreapp2.2) (== netstandard2.0)
      System.Runtime (>= 4.3) - restriction: || (&& (== net472) (< net46)) (== netcoreapp2.2) (== netstandard2.0)
      System.Runtime.Extensions (>= 4.3) - restriction: || (&& (== net472) (< net46)) (== netcoreapp2.2) (== netstandard2.0)
      System.Text.Encoding (>= 4.3) - restriction: || (&& (== net472) (< net46)) (== netcoreapp2.2) (== netstandard2.0)
    System.Runtime (4.3.1) - restriction: || (&& (== net472) (< net45)) (&& (== net472) (< net46)) (&& (== net472) (>= netcoreapp1.0)) (&& (== net472) (>= netcoreapp1.1)) (== netcoreapp2.2) (== netstandard2.0)
      Microsoft.NETCore.Platforms (>= 1.1.1) - restriction: || (&& (== net472) (< net45)) (== netcoreapp2.2) (== netstandard2.0)
      Microsoft.NETCore.Targets (>= 1.1.3) - restriction: || (&& (== net472) (< net45)) (== netcoreapp2.2) (== netstandard2.0)
    System.Runtime.CompilerServices.Unsafe (4.5.2)
    System.Runtime.Extensions (4.3.1) - restriction: || (&& (== net472) (< net46)) (&& (== net472) (>= netcoreapp1.0)) (== netcoreapp2.2) (== netstandard2.0)
      Microsoft.NETCore.Platforms (>= 1.1.1) - restriction: || (&& (== net472) (< net45)) (== netcoreapp2.2) (== netstandard2.0)
      Microsoft.NETCore.Targets (>= 1.1.3) - restriction: || (&& (== net472) (< net45)) (== netcoreapp2.2) (== netstandard2.0)
      System.Runtime (>= 4.3.1) - restriction: || (&& (== net472) (< net45)) (== netcoreapp2.2) (== netstandard2.0)
    System.Runtime.Handles (4.3) - restriction: || (&& (== net472) (< net46)) (== netcoreapp2.2) (== netstandard2.0)
      Microsoft.NETCore.Platforms (>= 1.1) - restriction: || (&& (== net472) (< net46)) (== netcoreapp2.2) (== netstandard2.0)
      Microsoft.NETCore.Targets (>= 1.1) - restriction: || (&& (== net472) (< net46)) (== netcoreapp2.2) (== netstandard2.0)
      System.Runtime (>= 4.3) - restriction: || (&& (== net472) (< net46)) (== netcoreapp2.2) (== netstandard2.0)
    System.Runtime.InteropServices (4.3) - restriction: || (&& (== net472) (< net46)) (&& (== net472) (>= netcoreapp1.0)) (== netcoreapp2.2) (== netstandard2.0)
      Microsoft.NETCore.Platforms (>= 1.1) - restriction: || (&& (== net472) (< net45)) (&& (== net472) (>= netcoreapp1.1)) (== netcoreapp2.2) (== netstandard2.0)
      Microsoft.NETCore.Targets (>= 1.1) - restriction: || (&& (== net472) (< net45)) (&& (== net472) (>= netcoreapp1.1)) (== netcoreapp2.2) (== netstandard2.0)
      System.Reflection (>= 4.3) - restriction: || (&& (== net472) (< net45)) (&& (== net472) (>= netcoreapp1.1)) (== netcoreapp2.2) (== netstandard2.0)
      System.Reflection.Primitives (>= 4.3) - restriction: || (&& (== net472) (< net45)) (&& (== net472) (>= netcoreapp1.1)) (== netcoreapp2.2) (== netstandard2.0)
      System.Runtime (>= 4.3)
      System.Runtime.Handles (>= 4.3) - restriction: || (&& (== net472) (< net45)) (&& (== net472) (>= netcoreapp1.1)) (== netcoreapp2.2) (== netstandard2.0)
    System.Runtime.InteropServices.RuntimeInformation (4.3) - restriction: || (&& (== net472) (>= netcoreapp1.0)) (== netcoreapp2.2) (&& (== netstandard2.0) (>= netcoreapp1.0))
      runtime.native.System (>= 4.3) - restriction: || (&& (== net472) (< net45)) (== netcoreapp2.2) (== netstandard2.0)
      System.Reflection (>= 4.3) - restriction: || (&& (== net472) (< net45)) (== netcoreapp2.2) (== netstandard2.0)
      System.Reflection.Extensions (>= 4.3) - restriction: || (&& (== net472) (< net45)) (== netcoreapp2.2) (== netstandard2.0)
      System.Resources.ResourceManager (>= 4.3) - restriction: || (&& (== net472) (< net45)) (== netcoreapp2.2) (== netstandard2.0)
      System.Runtime (>= 4.3) - restriction: || (&& (== net472) (< net45)) (== netcoreapp2.2) (== netstandard2.0)
      System.Runtime.InteropServices (>= 4.3) - restriction: || (&& (== net472) (< net45)) (== netcoreapp2.2) (== netstandard2.0)
      System.Threading (>= 4.3) - restriction: || (&& (== net472) (< net45)) (== netcoreapp2.2) (== netstandard2.0)
    System.Runtime.InteropServices.WindowsRuntime (4.3) - restriction: || (&& (== net472) (< net46)) (== netcoreapp2.2) (== netstandard2.0)
      System.Runtime (>= 4.3) - restriction: || (&& (== net472) (< net45)) (== netcoreapp2.2) (== netstandard2.0)
    System.Runtime.Loader (4.3) - restriction: || (&& (== net472) (>= netcoreapp1.0)) (== netcoreapp2.2) (&& (== netstandard2.0) (>= netcoreapp1.0))
      System.IO (>= 4.3) - restriction: || (&& (== net472) (< net462)) (== netcoreapp2.2) (== netstandard2.0)
      System.Reflection (>= 4.3) - restriction: || (&& (== net472) (< net462)) (== netcoreapp2.2) (== netstandard2.0)
      System.Runtime (>= 4.3) - restriction: || (&& (== net472) (< net462)) (== netcoreapp2.2) (== netstandard2.0)
    System.Runtime.Numerics (4.3)
      System.Globalization (>= 4.3) - restriction: || (&& (== net472) (< net45)) (== netcoreapp2.2) (== netstandard2.0)
      System.Resources.ResourceManager (>= 4.3) - restriction: || (&& (== net472) (< net45)) (== netcoreapp2.2) (== netstandard2.0)
      System.Runtime (>= 4.3) - restriction: || (&& (== net472) (< net45)) (== netcoreapp2.2) (== netstandard2.0)
      System.Runtime.Extensions (>= 4.3) - restriction: || (&& (== net472) (< net45)) (== netcoreapp2.2) (== netstandard2.0)
    System.Runtime.Serialization.Json (4.3) - restriction: || (&& (== net472) (>= netcoreapp1.0)) (== netcoreapp2.2) (&& (== netstandard2.0) (>= netcoreapp1.0))
      System.IO (>= 4.3) - restriction: || (&& (== net472) (< net45)) (== netcoreapp2.2) (== netstandard2.0)
      System.Private.DataContractSerialization (>= 4.3) - restriction: || (&& (== net472) (< net45)) (== netcoreapp2.2) (== netstandard2.0)
      System.Runtime (>= 4.3) - restriction: || (&& (== net472) (< net45)) (== netcoreapp2.2) (== netstandard2.0)
    System.Runtime.Serialization.Primitives (4.3) - restriction: || (&& (== net472) (>= netcoreapp1.0)) (== netcoreapp2.2) (== netstandard2.0)
      System.Resources.ResourceManager (>= 4.3) - restriction: || (&& (== net472) (< net45)) (== netcoreapp2.2) (== netstandard2.0)
      System.Runtime (>= 4.3) - restriction: || (&& (== net472) (< net45)) (== netcoreapp2.2) (== netstandard2.0)
    System.Security.AccessControl (4.5) - restriction: || (&& (== net472) (>= monoandroid)) (&& (== net472) (>= monotouch)) (&& (== net472) (< net45)) (&& (== net472) (>= netcoreapp2.0)) (&& (== net472) (>= xamarintvos)) (&& (== net472) (>= xamarinwatchos)) (== netcoreapp2.2) (== netstandard2.0)
      Microsoft.NETCore.Platforms (>= 2.0) - restriction: || (&& (== net472) (>= netcoreapp2.0)) (== netcoreapp2.2) (&& (== netstandard2.0) (>= netcoreapp2.0))
      System.Security.Principal.Windows (>= 4.5)
    System.Security.Cryptography.Algorithms (4.3.1)
      Microsoft.NETCore.Platforms (>= 1.1) - restriction: || (&& (== net472) (< net46)) (== netcoreapp2.2) (== netstandard2.0)
      runtime.native.System.Security.Cryptography.Apple (>= 4.3.1) - restriction: || (&& (== net472) (< net46)) (== netcoreapp2.2) (== netstandard2.0)
      runtime.native.System.Security.Cryptography.OpenSsl (>= 4.3.2) - restriction: || (&& (== net472) (< net46)) (== netcoreapp2.2) (== netstandard2.0)
      System.Collections (>= 4.3) - restriction: || (&& (== net472) (< net46)) (== netcoreapp2.2) (== netstandard2.0)
      System.IO (>= 4.3)
      System.Resources.ResourceManager (>= 4.3) - restriction: || (&& (== net472) (< net46)) (== netcoreapp2.2) (== netstandard2.0)
      System.Runtime (>= 4.3)
      System.Runtime.Extensions (>= 4.3) - restriction: || (&& (== net472) (< net46)) (== netcoreapp2.2) (== netstandard2.0)
      System.Runtime.Handles (>= 4.3) - restriction: || (&& (== net472) (< net46)) (== netcoreapp2.2) (== netstandard2.0)
      System.Runtime.InteropServices (>= 4.3) - restriction: || (&& (== net472) (< net46)) (== netcoreapp2.2) (== netstandard2.0)
      System.Runtime.Numerics (>= 4.3) - restriction: || (&& (== net472) (< net46)) (== netcoreapp2.2) (== netstandard2.0)
      System.Security.Cryptography.Encoding (>= 4.3)
      System.Security.Cryptography.Primitives (>= 4.3)
      System.Text.Encoding (>= 4.3) - restriction: || (&& (== net472) (< net46)) (== netcoreapp2.2) (== netstandard2.0)
    System.Security.Cryptography.Cng (4.6) - restriction: || (&& (== net472) (< net46)) (== netcoreapp2.2) (== netstandard2.0)
    System.Security.Cryptography.Csp (4.3) - restriction: || (&& (== net472) (< net46)) (== netcoreapp2.2) (== netstandard2.0)
      Microsoft.NETCore.Platforms (>= 1.1) - restriction: || (&& (== net472) (< net46)) (== netcoreapp2.2) (== netstandard2.0)
      System.IO (>= 4.3) - restriction: || (&& (== net472) (< net46)) (== netcoreapp2.2) (== netstandard2.0)
      System.Reflection (>= 4.3) - restriction: || (&& (== net472) (< net46)) (== netcoreapp2.2) (== netstandard2.0)
      System.Resources.ResourceManager (>= 4.3) - restriction: || (&& (== net472) (< net46)) (== netcoreapp2.2) (== netstandard2.0)
      System.Runtime (>= 4.3) - restriction: || (&& (== net472) (< net46)) (== netcoreapp2.2) (== netstandard2.0)
      System.Runtime.Extensions (>= 4.3) - restriction: || (&& (== net472) (< net46)) (== netcoreapp2.2) (== netstandard2.0)
      System.Runtime.Handles (>= 4.3) - restriction: || (&& (== net472) (< net46)) (== netcoreapp2.2) (== netstandard2.0)
      System.Runtime.InteropServices (>= 4.3) - restriction: || (&& (== net472) (< net46)) (== netcoreapp2.2) (== netstandard2.0)
      System.Security.Cryptography.Algorithms (>= 4.3)
      System.Security.Cryptography.Encoding (>= 4.3) - restriction: || (&& (== net472) (< net46)) (== netcoreapp2.2) (== netstandard2.0)
      System.Security.Cryptography.Primitives (>= 4.3)
      System.Text.Encoding (>= 4.3) - restriction: || (&& (== net472) (< net46)) (== netcoreapp2.2) (== netstandard2.0)
      System.Threading (>= 4.3) - restriction: || (&& (== net472) (< net46)) (== netcoreapp2.2) (== netstandard2.0)
    System.Security.Cryptography.Encoding (4.3)
      Microsoft.NETCore.Platforms (>= 1.1) - restriction: || (&& (== net472) (< net46)) (== netcoreapp2.2) (== netstandard2.0)
      runtime.native.System.Security.Cryptography.OpenSsl (>= 4.3) - restriction: || (&& (== net472) (< net46)) (== netcoreapp2.2) (== netstandard2.0)
      System.Collections (>= 4.3) - restriction: || (&& (== net472) (< net46)) (== netcoreapp2.2) (== netstandard2.0)
      System.Collections.Concurrent (>= 4.3) - restriction: || (&& (== net472) (< net46)) (== netcoreapp2.2) (== netstandard2.0)
      System.Linq (>= 4.3) - restriction: || (&& (== net472) (< net46)) (== netcoreapp2.2) (== netstandard2.0)
      System.Resources.ResourceManager (>= 4.3) - restriction: || (&& (== net472) (< net46)) (== netcoreapp2.2) (== netstandard2.0)
      System.Runtime (>= 4.3) - restriction: || (&& (== net472) (< net46)) (== netcoreapp2.2) (== netstandard2.0)
      System.Runtime.Extensions (>= 4.3) - restriction: || (&& (== net472) (< net46)) (== netcoreapp2.2) (== netstandard2.0)
      System.Runtime.Handles (>= 4.3) - restriction: || (&& (== net472) (< net46)) (== netcoreapp2.2) (== netstandard2.0)
      System.Runtime.InteropServices (>= 4.3) - restriction: || (&& (== net472) (< net46)) (== netcoreapp2.2) (== netstandard2.0)
      System.Security.Cryptography.Primitives (>= 4.3) - restriction: || (&& (== net472) (< net46)) (== netcoreapp2.2) (== netstandard2.0)
      System.Text.Encoding (>= 4.3) - restriction: || (&& (== net472) (< net46)) (== netcoreapp2.2) (== netstandard2.0)
    System.Security.Cryptography.OpenSsl (4.6) - restriction: || (&& (== net472) (< net45)) (== netcoreapp2.2) (== netstandard2.0)
    System.Security.Cryptography.Primitives (4.3) - restriction: || (&& (== net472) (< net45)) (== netcoreapp2.2) (== netstandard2.0)
      System.Diagnostics.Debug (>= 4.3) - restriction: || (&& (== net472) (< net46)) (== netcoreapp2.2) (== netstandard2.0)
      System.Globalization (>= 4.3) - restriction: || (&& (== net472) (< net46)) (== netcoreapp2.2) (== netstandard2.0)
      System.IO (>= 4.3) - restriction: || (&& (== net472) (< net46)) (== netcoreapp2.2) (== netstandard2.0)
      System.Resources.ResourceManager (>= 4.3) - restriction: || (&& (== net472) (< net46)) (== netcoreapp2.2) (== netstandard2.0)
      System.Runtime (>= 4.3) - restriction: || (&& (== net472) (< net46)) (== netcoreapp2.2) (== netstandard2.0)
      System.Threading (>= 4.3) - restriction: || (&& (== net472) (< net46)) (== netcoreapp2.2) (== netstandard2.0)
      System.Threading.Tasks (>= 4.3) - restriction: || (&& (== net472) (< net46)) (== netcoreapp2.2) (== netstandard2.0)
    System.Security.Cryptography.ProtectedData (4.5) - restriction: || (&& (== net472) (< net45)) (&& (== net472) (>= netcoreapp2.0)) (== netcoreapp2.2) (== netstandard2.0)
      System.Memory (>= 4.5) - restriction: || (&& (== net472) (< net46)) (&& (== netcoreapp2.2) (< netcoreapp2.1)) (== netstandard2.0)
    System.Security.Cryptography.X509Certificates (4.3.2)
      Microsoft.NETCore.Platforms (>= 1.1) - restriction: || (&& (== net472) (< net46)) (== netcoreapp2.2) (== netstandard2.0)
      runtime.native.System (>= 4.3) - restriction: || (&& (== net472) (< net46)) (== netcoreapp2.2) (== netstandard2.0)
      runtime.native.System.Net.Http (>= 4.3) - restriction: || (&& (== net472) (< net46)) (== netcoreapp2.2) (== netstandard2.0)
      runtime.native.System.Security.Cryptography.OpenSsl (>= 4.3.2) - restriction: || (&& (== net472) (< net46)) (== netcoreapp2.2) (== netstandard2.0)
      System.Collections (>= 4.3) - restriction: || (&& (== net472) (< net46)) (== netcoreapp2.2) (== netstandard2.0)
      System.Diagnostics.Debug (>= 4.3) - restriction: || (&& (== net472) (< net46)) (== netcoreapp2.2) (== netstandard2.0)
      System.Globalization (>= 4.3) - restriction: || (&& (== net472) (< net46)) (== netcoreapp2.2) (== netstandard2.0)
      System.Globalization.Calendars (>= 4.3) - restriction: || (&& (== net472) (< net46)) (== netcoreapp2.2) (== netstandard2.0)
      System.IO (>= 4.3) - restriction: || (&& (== net472) (< net46)) (== netcoreapp2.2) (== netstandard2.0)
      System.IO.FileSystem (>= 4.3) - restriction: || (&& (== net472) (< net46)) (== netcoreapp2.2) (== netstandard2.0)
      System.IO.FileSystem.Primitives (>= 4.3) - restriction: || (&& (== net472) (< net46)) (== netcoreapp2.2) (== netstandard2.0)
      System.Resources.ResourceManager (>= 4.3) - restriction: || (&& (== net472) (< net46)) (== netcoreapp2.2) (== netstandard2.0)
      System.Runtime (>= 4.3) - restriction: || (&& (== net472) (< net46)) (== netcoreapp2.2) (== netstandard2.0)
      System.Runtime.Extensions (>= 4.3) - restriction: || (&& (== net472) (< net46)) (== netcoreapp2.2) (== netstandard2.0)
      System.Runtime.Handles (>= 4.3) - restriction: || (&& (== net472) (< net46)) (== netcoreapp2.2) (== netstandard2.0)
      System.Runtime.InteropServices (>= 4.3) - restriction: || (&& (== net472) (< net46)) (== netcoreapp2.2) (== netstandard2.0)
      System.Runtime.Numerics (>= 4.3) - restriction: || (&& (== net472) (< net46)) (== netcoreapp2.2) (== netstandard2.0)
      System.Security.Cryptography.Algorithms (>= 4.3)
      System.Security.Cryptography.Cng (>= 4.3) - restriction: || (&& (== net472) (< net46)) (== netcoreapp2.2) (== netstandard2.0)
      System.Security.Cryptography.Csp (>= 4.3) - restriction: || (&& (== net472) (< net46)) (== netcoreapp2.2) (== netstandard2.0)
      System.Security.Cryptography.Encoding (>= 4.3)
      System.Security.Cryptography.OpenSsl (>= 4.3) - restriction: || (&& (== net472) (< net46)) (== netcoreapp2.2) (== netstandard2.0)
      System.Security.Cryptography.Primitives (>= 4.3) - restriction: || (&& (== net472) (< net46)) (== netcoreapp2.2) (== netstandard2.0)
      System.Text.Encoding (>= 4.3) - restriction: || (&& (== net472) (< net46)) (== netcoreapp2.2) (== netstandard2.0)
      System.Threading (>= 4.3) - restriction: || (&& (== net472) (< net46)) (== netcoreapp2.2) (== netstandard2.0)
    System.Security.Permissions (4.5) - restriction: || (&& (== net472) (>= monoandroid)) (&& (== net472) (>= monotouch)) (&& (== net472) (< net45)) (&& (== net472) (>= netcoreapp2.0)) (&& (== net472) (>= xamarintvos)) (&& (== net472) (>= xamarinwatchos)) (== netcoreapp2.2) (== netstandard2.0)
      System.Security.AccessControl (>= 4.5)
    System.Security.Principal.Windows (4.5.1) - restriction: || (&& (== net472) (>= monoandroid)) (&& (== net472) (>= monotouch)) (&& (== net472) (< net45)) (&& (== net472) (>= netcoreapp2.0)) (&& (== net472) (>= netcoreapp2.1)) (&& (== net472) (>= xamarintvos)) (&& (== net472) (>= xamarinwatchos)) (== netcoreapp2.2) (== netstandard2.0)
      Microsoft.NETCore.Platforms (>= 2.0) - restriction: || (&& (== net472) (>= netcoreapp2.0)) (== netcoreapp2.2) (&& (== netstandard2.0) (>= netcoreapp2.0))
    System.Text.Encoding (4.3) - restriction: || (&& (== net472) (< net46)) (&& (== net472) (>= netcoreapp1.0)) (== netcoreapp2.2) (== netstandard2.0)
      Microsoft.NETCore.Platforms (>= 1.1) - restriction: || (&& (== net472) (< net45)) (== netcoreapp2.2) (== netstandard2.0)
      Microsoft.NETCore.Targets (>= 1.1) - restriction: || (&& (== net472) (< net45)) (== netcoreapp2.2) (== netstandard2.0)
      System.Runtime (>= 4.3) - restriction: || (&& (== net472) (< net45)) (== netcoreapp2.2) (== netstandard2.0)
    System.Text.Encoding.CodePages (4.5.1) - restriction: || (&& (== net472) (>= netcoreapp2.1)) (== netcoreapp2.2) (== netstandard2.0)
      Microsoft.NETCore.Platforms (>= 2.1.2) - restriction: || (&& (== net472) (>= netcoreapp2.0)) (== netcoreapp2.2) (&& (== netstandard2.0) (>= netcoreapp2.0))
      System.Runtime.CompilerServices.Unsafe (>= 4.5.2)
    System.Text.Encoding.Extensions (4.3) - restriction: || (&& (== net472) (< net46)) (&& (== net472) (>= netcoreapp1.0)) (== netcoreapp2.2) (== netstandard2.0)
      Microsoft.NETCore.Platforms (>= 1.1) - restriction: || (&& (== net472) (< net45)) (== netcoreapp2.2) (== netstandard2.0)
      Microsoft.NETCore.Targets (>= 1.1) - restriction: || (&& (== net472) (< net45)) (== netcoreapp2.2) (== netstandard2.0)
      System.Runtime (>= 4.3) - restriction: || (&& (== net472) (< net45)) (== netcoreapp2.2) (== netstandard2.0)
      System.Text.Encoding (>= 4.3) - restriction: || (&& (== net472) (< net45)) (== netcoreapp2.2) (== netstandard2.0)
    System.Text.Encodings.Web (4.5)
    System.Text.RegularExpressions (4.3.1) - restriction: || (&& (== net472) (< net45)) (&& (== net472) (>= netcoreapp1.0)) (== netcoreapp2.2) (== netstandard2.0)
      System.Runtime (>= 4.3.1) - restriction: || (&& (== net472) (< net45)) (&& (== net472) (>= netcoreapp1.1)) (== netcoreapp2.2) (== netstandard2.0)
    System.Threading (4.3) - restriction: || (&& (== net472) (< net46)) (&& (== net472) (>= netcoreapp1.0)) (== netcoreapp2.2) (== netstandard2.0)
      System.Runtime (>= 4.3) - restriction: || (&& (== net472) (< net45)) (== netcoreapp2.2) (== netstandard2.0)
      System.Threading.Tasks (>= 4.3) - restriction: || (&& (== net472) (< net45)) (== netcoreapp2.2) (== netstandard2.0)
    System.Threading.Overlapped (4.3) - restriction: || (&& (== net472) (< net46)) (== netcoreapp2.2) (== netstandard2.0)
      Microsoft.NETCore.Platforms (>= 1.1) - restriction: || (&& (== net472) (< net46)) (== netcoreapp2.2) (== netstandard2.0)
      System.Resources.ResourceManager (>= 4.3) - restriction: || (&& (== net472) (< net46)) (== netcoreapp2.2) (== netstandard2.0)
      System.Runtime (>= 4.3) - restriction: || (&& (== net472) (< net46)) (== netcoreapp2.2) (== netstandard2.0)
      System.Runtime.Handles (>= 4.3) - restriction: || (&& (== net472) (< net46)) (== netcoreapp2.2) (== netstandard2.0)
    System.Threading.Tasks (4.3) - restriction: || (&& (== net472) (< net46)) (&& (== net472) (>= netcoreapp1.0)) (== netcoreapp2.2) (== netstandard2.0)
      Microsoft.NETCore.Platforms (>= 1.1) - restriction: || (&& (== net472) (< net45)) (== netcoreapp2.2) (== netstandard2.0)
      Microsoft.NETCore.Targets (>= 1.1) - restriction: || (&& (== net472) (< net45)) (== netcoreapp2.2) (== netstandard2.0)
      System.Runtime (>= 4.3) - restriction: || (&& (== net472) (< net45)) (== netcoreapp2.2) (== netstandard2.0)
    System.Threading.Tasks.Dataflow (4.10)
    System.Threading.Tasks.Extensions (4.5.3)
      System.Runtime.CompilerServices.Unsafe (>= 4.5.2) - restriction: || (== net472) (&& (== netcoreapp2.2) (>= net45)) (&& (== netcoreapp2.2) (< netcoreapp2.1)) (&& (== netcoreapp2.2) (< netstandard1.0)) (&& (== netcoreapp2.2) (< netstandard2.0)) (&& (== netcoreapp2.2) (>= wp8)) (== netstandard2.0)
    System.Threading.Thread (4.3) - restriction: || (&& (== net472) (< net46)) (&& (== net472) (>= netcoreapp1.0)) (== netcoreapp2.2) (== netstandard2.0)
      System.Runtime (>= 4.3) - restriction: || (&& (== net472) (< net46)) (== netcoreapp2.2) (== netstandard2.0)
    System.Threading.ThreadPool (4.3) - restriction: || (&& (== net472) (< net46)) (== netcoreapp2.2) (== netstandard2.0)
      System.Runtime (>= 4.3) - restriction: || (&& (== net472) (< net46)) (== netcoreapp2.2) (== netstandard2.0)
      System.Runtime.Handles (>= 4.3) - restriction: || (&& (== net472) (< net46)) (== netcoreapp2.2) (== netstandard2.0)
    System.ValueTuple (4.5) - restriction: || (== net472) (&& (== netcoreapp2.2) (>= net46)) (&& (== netcoreapp2.2) (< netstandard2.0) (>= uap10.0)) (&& (== netstandard2.0) (>= net46))
    System.Xml.ReaderWriter (4.3.1) - restriction: || (&& (== net472) (< net462)) (&& (== net472) (>= netcoreapp1.0)) (== netcoreapp2.2) (== netstandard2.0)
      System.Collections (>= 4.3) - restriction: || (&& (== net472) (< net45)) (== netcoreapp2.2) (== netstandard2.0)
      System.Diagnostics.Debug (>= 4.3) - restriction: || (&& (== net472) (< net45)) (== netcoreapp2.2) (== netstandard2.0)
      System.Globalization (>= 4.3) - restriction: || (&& (== net472) (< net45)) (== netcoreapp2.2) (== netstandard2.0)
      System.IO (>= 4.3) - restriction: || (&& (== net472) (< net45)) (== netcoreapp2.2) (== netstandard2.0)
      System.IO.FileSystem (>= 4.3) - restriction: || (&& (== net472) (< net45)) (== netcoreapp2.2) (== netstandard2.0)
      System.IO.FileSystem.Primitives (>= 4.3) - restriction: || (&& (== net472) (< net45)) (== netcoreapp2.2) (== netstandard2.0)
      System.Resources.ResourceManager (>= 4.3) - restriction: || (&& (== net472) (< net45)) (== netcoreapp2.2) (== netstandard2.0)
      System.Runtime (>= 4.3) - restriction: || (&& (== net472) (< net45)) (== netcoreapp2.2) (== netstandard2.0)
      System.Runtime.Extensions (>= 4.3) - restriction: || (&& (== net472) (< net45)) (== netcoreapp2.2) (== netstandard2.0)
      System.Runtime.InteropServices (>= 4.3) - restriction: || (&& (== net472) (< net45)) (== netcoreapp2.2) (== netstandard2.0)
      System.Text.Encoding (>= 4.3) - restriction: || (&& (== net472) (< net45)) (== netcoreapp2.2) (== netstandard2.0)
      System.Text.Encoding.Extensions (>= 4.3) - restriction: || (&& (== net472) (< net45)) (== netcoreapp2.2) (== netstandard2.0)
      System.Text.RegularExpressions (>= 4.3) - restriction: || (&& (== net472) (< net45)) (== netcoreapp2.2) (== netstandard2.0)
      System.Threading.Tasks (>= 4.3) - restriction: || (&& (== net472) (< net45)) (== netcoreapp2.2) (== netstandard2.0)
      System.Threading.Tasks.Extensions (>= 4.3) - restriction: || (&& (== net472) (< net45)) (== netcoreapp2.2) (== netstandard2.0)
    System.Xml.XDocument (4.3) - restriction: || (&& (== net472) (< net462)) (&& (== net472) (>= netcoreapp1.0)) (== netcoreapp2.2) (== netstandard2.0)
      System.Collections (>= 4.3) - restriction: || (&& (== net472) (< net45)) (== netcoreapp2.2) (== netstandard2.0)
      System.Diagnostics.Debug (>= 4.3) - restriction: || (&& (== net472) (< net45)) (== netcoreapp2.2) (== netstandard2.0)
      System.Diagnostics.Tools (>= 4.3) - restriction: || (&& (== net472) (< net45)) (== netcoreapp2.2) (== netstandard2.0)
      System.Globalization (>= 4.3) - restriction: || (&& (== net472) (< net45)) (== netcoreapp2.2) (== netstandard2.0)
      System.IO (>= 4.3) - restriction: || (&& (== net472) (< net45)) (== netcoreapp2.2) (== netstandard2.0)
      System.Reflection (>= 4.3) - restriction: || (&& (== net472) (< net45)) (== netcoreapp2.2) (== netstandard2.0)
      System.Resources.ResourceManager (>= 4.3) - restriction: || (&& (== net472) (< net45)) (== netcoreapp2.2) (== netstandard2.0)
      System.Runtime (>= 4.3) - restriction: || (&& (== net472) (< net45)) (== netcoreapp2.2) (== netstandard2.0)
      System.Runtime.Extensions (>= 4.3) - restriction: || (&& (== net472) (< net45)) (== netcoreapp2.2) (== netstandard2.0)
      System.Text.Encoding (>= 4.3) - restriction: || (&& (== net472) (< net45)) (== netcoreapp2.2) (== netstandard2.0)
      System.Threading (>= 4.3) - restriction: || (&& (== net472) (< net45)) (== netcoreapp2.2) (== netstandard2.0)
      System.Xml.ReaderWriter (>= 4.3) - restriction: || (&& (== net472) (< net45)) (== netcoreapp2.2) (== netstandard2.0)
    System.Xml.XmlDocument (4.3) - restriction: || (&& (== net472) (>= netcoreapp1.0)) (== netcoreapp2.2) (&& (== netstandard2.0) (>= netcoreapp1.0))
      System.Collections (>= 4.3) - restriction: || (&& (== net472) (< net46)) (== netcoreapp2.2) (== netstandard2.0)
      System.Diagnostics.Debug (>= 4.3) - restriction: || (&& (== net472) (< net46)) (== netcoreapp2.2) (== netstandard2.0)
      System.Globalization (>= 4.3) - restriction: || (&& (== net472) (< net46)) (== netcoreapp2.2) (== netstandard2.0)
      System.IO (>= 4.3) - restriction: || (&& (== net472) (< net46)) (== netcoreapp2.2) (== netstandard2.0)
      System.Resources.ResourceManager (>= 4.3) - restriction: || (&& (== net472) (< net46)) (== netcoreapp2.2) (== netstandard2.0)
      System.Runtime (>= 4.3) - restriction: || (&& (== net472) (< net46)) (== netcoreapp2.2) (== netstandard2.0)
      System.Runtime.Extensions (>= 4.3) - restriction: || (&& (== net472) (< net46)) (== netcoreapp2.2) (== netstandard2.0)
      System.Text.Encoding (>= 4.3) - restriction: || (&& (== net472) (< net46)) (== netcoreapp2.2) (== netstandard2.0)
      System.Threading (>= 4.3) - restriction: || (&& (== net472) (< net46)) (== netcoreapp2.2) (== netstandard2.0)
      System.Xml.ReaderWriter (>= 4.3) - restriction: || (&& (== net472) (< net46)) (== netcoreapp2.2) (== netstandard2.0)
    System.Xml.XmlSerializer (4.3) - restriction: || (&& (== net472) (>= netcoreapp1.0)) (== netcoreapp2.2) (&& (== netstandard2.0) (>= netcoreapp1.0))
      System.Collections (>= 4.3) - restriction: || (&& (== net472) (< net45)) (== netcoreapp2.2) (== netstandard2.0)
      System.Globalization (>= 4.3) - restriction: || (&& (== net472) (< net45)) (== netcoreapp2.2) (== netstandard2.0)
      System.IO (>= 4.3) - restriction: || (&& (== net472) (< net45)) (== netcoreapp2.2) (== netstandard2.0)
      System.Linq (>= 4.3) - restriction: || (&& (== net472) (< net45)) (== netcoreapp2.2) (== netstandard2.0)
      System.Reflection (>= 4.3) - restriction: || (&& (== net472) (< net45)) (== netcoreapp2.2) (== netstandard2.0)
      System.Reflection.Emit (>= 4.3) - restriction: || (&& (== net472) (< net45)) (== netcoreapp2.2) (== netstandard2.0)
      System.Reflection.Emit.ILGeneration (>= 4.3) - restriction: || (&& (== net472) (< net45)) (== netcoreapp2.2) (== netstandard2.0)
      System.Reflection.Extensions (>= 4.3) - restriction: || (&& (== net472) (< net45)) (== netcoreapp2.2) (== netstandard2.0)
      System.Reflection.Primitives (>= 4.3) - restriction: || (&& (== net472) (< net45)) (== netcoreapp2.2) (== netstandard2.0)
      System.Reflection.TypeExtensions (>= 4.3) - restriction: || (&& (== net472) (< net45)) (== netcoreapp2.2) (== netstandard2.0)
      System.Resources.ResourceManager (>= 4.3) - restriction: || (&& (== net472) (< net45)) (== netcoreapp2.2) (== netstandard2.0)
      System.Runtime (>= 4.3) - restriction: || (&& (== net472) (< net45)) (== netcoreapp2.2) (== netstandard2.0)
      System.Runtime.Extensions (>= 4.3) - restriction: || (&& (== net472) (< net45)) (== netcoreapp2.2) (== netstandard2.0)
      System.Text.RegularExpressions (>= 4.3) - restriction: || (&& (== net472) (< net45)) (== netcoreapp2.2) (== netstandard2.0)
      System.Threading (>= 4.3) - restriction: || (&& (== net472) (< net45)) (== netcoreapp2.2) (== netstandard2.0)
      System.Xml.ReaderWriter (>= 4.3) - restriction: || (&& (== net472) (< net45)) (== netcoreapp2.2) (== netstandard2.0)
      System.Xml.XmlDocument (>= 4.3) - restriction: || (&& (== net472) (< net45)) (== netcoreapp2.2) (== netstandard2.0)
    System.Xml.XPath (4.3)
      System.Collections (>= 4.3) - restriction: || (&& (== net472) (< net46)) (== netcoreapp2.2) (== netstandard2.0)
      System.Diagnostics.Debug (>= 4.3) - restriction: || (&& (== net472) (< net46)) (== netcoreapp2.2) (== netstandard2.0)
      System.Globalization (>= 4.3) - restriction: || (&& (== net472) (< net46)) (== netcoreapp2.2) (== netstandard2.0)
      System.IO (>= 4.3) - restriction: || (&& (== net472) (< net46)) (== netcoreapp2.2) (== netstandard2.0)
      System.Resources.ResourceManager (>= 4.3) - restriction: || (&& (== net472) (< net46)) (== netcoreapp2.2) (== netstandard2.0)
      System.Runtime (>= 4.3) - restriction: || (&& (== net472) (< net46)) (== netcoreapp2.2) (== netstandard2.0)
      System.Runtime.Extensions (>= 4.3) - restriction: || (&& (== net472) (< net46)) (== netcoreapp2.2) (== netstandard2.0)
      System.Threading (>= 4.3) - restriction: || (&& (== net472) (< net46)) (== netcoreapp2.2) (== netstandard2.0)
      System.Xml.ReaderWriter (>= 4.3) - restriction: || (&& (== net472) (< net46)) (== netcoreapp2.2) (== netstandard2.0)
    System.Xml.XPath.XDocument (4.3)
      System.Diagnostics.Debug (>= 4.3) - restriction: || (&& (== net472) (< net46)) (== netcoreapp2.2) (== netstandard2.0)
      System.Linq (>= 4.3) - restriction: || (&& (== net472) (< net46)) (== netcoreapp2.2) (== netstandard2.0)
      System.Resources.ResourceManager (>= 4.3) - restriction: || (&& (== net472) (< net46)) (== netcoreapp2.2) (== netstandard2.0)
      System.Runtime (>= 4.3) - restriction: || (&& (== net472) (< net46)) (== netcoreapp2.2) (== netstandard2.0)
      System.Runtime.Extensions (>= 4.3) - restriction: || (&& (== net472) (< net46)) (== netcoreapp2.2) (== netstandard2.0)
      System.Threading (>= 4.3) - restriction: || (&& (== net472) (< net46)) (== netcoreapp2.2) (== netstandard2.0)
      System.Xml.ReaderWriter (>= 4.3) - restriction: || (&& (== net472) (< net46)) (== netcoreapp2.2) (== netstandard2.0)
      System.Xml.XDocument (>= 4.3) - restriction: || (&& (== net472) (< net46)) (== netcoreapp2.2) (== netstandard2.0)
      System.Xml.XPath (>= 4.3)
    System.Xml.XPath.XmlDocument (4.3)
      System.Collections (>= 4.3) - restriction: || (&& (== net472) (< net46)) (== netcoreapp2.2) (== netstandard2.0)
      System.Globalization (>= 4.3) - restriction: || (&& (== net472) (< net46)) (== netcoreapp2.2) (== netstandard2.0)
      System.IO (>= 4.3) - restriction: || (&& (== net472) (< net46)) (== netcoreapp2.2) (== netstandard2.0)
      System.Resources.ResourceManager (>= 4.3) - restriction: || (&& (== net472) (< net46)) (== netcoreapp2.2) (== netstandard2.0)
      System.Runtime (>= 4.3) - restriction: || (&& (== net472) (< net46)) (== netcoreapp2.2) (== netstandard2.0)
      System.Runtime.Extensions (>= 4.3) - restriction: || (&& (== net472) (< net46)) (== netcoreapp2.2) (== netstandard2.0)
      System.Threading (>= 4.3) - restriction: || (&& (== net472) (< net46)) (== netcoreapp2.2) (== netstandard2.0)
      System.Xml.ReaderWriter (>= 4.3) - restriction: || (&& (== net472) (< net46)) (== netcoreapp2.2) (== netstandard2.0)
      System.Xml.XmlDocument (>= 4.3)
      System.Xml.XPath (>= 4.3)
    xunit (2.4.1)
      xunit.analyzers (>= 0.10)
      xunit.assert (2.4.1)
      xunit.core (2.4.1)
    xunit.abstractions (2.0.3)
    xunit.analyzers (0.10)
    xunit.assert (2.4.1)
      NETStandard.Library (>= 1.6.1) - restriction: || (&& (== net472) (< net452)) (== netcoreapp2.2) (== netstandard2.0)
    xunit.core (2.4.1)
      xunit.extensibility.core (2.4.1)
      xunit.extensibility.execution (2.4.1)
    xunit.extensibility.core (2.4.1)
      NETStandard.Library (>= 1.6.1) - restriction: || (&& (== net472) (< net452)) (== netcoreapp2.2) (== netstandard2.0)
      xunit.abstractions (>= 2.0.3)
    xunit.extensibility.execution (2.4.1)
      NETStandard.Library (>= 1.6.1) - restriction: || (&& (== net472) (< net452)) (== netcoreapp2.2) (== netstandard2.0)
      xunit.extensibility.core (2.4.1)
    xunit.runner.visualstudio (2.4.1)
      Microsoft.NET.Test.Sdk (>= 15.0) - restriction: || (&& (== net472) (>= netcoreapp1.0)) (== netcoreapp2.2) (&& (== netstandard2.0) (>= netcoreapp1.0))
